NUGET
  remote: https://api.nuget.org/v3/index.json
    Caliburn.Micro (3.2) - restriction: >= net47
      Caliburn.Micro.Core (3.2)
    Caliburn.Micro.Core (3.2) - restriction: >= net47
    EntityFramework (6.1.3) - restriction: >= net47
    JetBrains.Annotations (11.0)
      System.Runtime (>= 4.1) - restriction: && (< net10) (>= netstandard1.0)
    Microsoft.DotNet.InternalAbstractions (1.0) - restriction: >= netcoreapp1.0
      System.AppContext (>= 4.1) - restriction: && (< net451) (>= netstandard1.3)
      System.Collections (>= 4.0.11) - restriction: && (< net451) (>= netstandard1.3)
      System.IO (>= 4.1) - restriction: && (< net451) (>= netstandard1.3)
      System.IO.FileSystem (>= 4.0.1) - restriction: && (< net451) (>= netstandard1.3)
      System.Reflection.TypeExtensions (>= 4.1) - restriction: && (< net451) (>= netstandard1.3)
      System.Runtime.Extensions (>= 4.1) - restriction: && (< net451) (>= netstandard1.3)
      System.Runtime.InteropServices (>= 4.1) - restriction: && (< net451) (>= netstandard1.3)
      System.Runtime.InteropServices.RuntimeInformation (>= 4.0) - restriction: && (< net451) (>= netstandard1.3)
    Microsoft.NETCore.Platforms (2.0) - restriction: || (&& (== uap10.0) (>= dnxcore50)) (&& (== uap10.0) (< netstandard1.1) (< win8)) (&& (== uap10.0) (< netstandard1.2) (< win8)) (&& (== uap10.0) (>= netstandard1.5)) (&& (== uap10.0) (>= netcoreapp1.1)) (&& (== uap10.0) (< win8) (< wpa81)) (&& (== uap10.0) (< win81) (< wpa81)) (== netstandard1.3) (== netstandard1.4) (== netstandard1.5) (&& (< net10) (>= netstandard1.0) (< netstandard1.2) (< monoandroid) (< win8) (< wp8)) (&& (< net10) (>= netstandard1.2) (< netstandard1.3) (< monoandroid) (< win8) (< wpa81)) (&& (< net10) (>= netstandard1.3) (< netstandard1.5) (< monoandroid) (< win8) (< wpa81)) (&& (< net10) (>= netstandard1.5) (< monotouch) (< xamarintvos) (< xamarinwatchos) (< xamarinios) (< xamarinmac)) (&& (< net20) (>= netstandard1.3) (< monoandroid)) (>= uap10.0) (&& (>= dnxcore50) (>= netstandard1.0)) (&& (< netstandard1.3) (>= monoandroid)) (>= netstandard1.6)
    Microsoft.NETCore.Targets (2.0) - restriction: || (== uap10.0) (== netstandard1.3) (== netstandard1.4) (== netstandard1.5) (== netstandard1.6) (&& (< net10) (>= netstandard1.0) (< netstandard1.2) (< monoandroid) (< win8) (< wp8)) (&& (< net10) (>= netstandard1.2) (< netstandard1.3) (< monoandroid) (< win8) (< wpa81)) (&& (< net10) (>= netstandard1.3) (< netstandard1.5) (< monoandroid) (< win8) (< wpa81)) (&& (< net10) (>= netstandard1.5) (< monotouch) (< xamarintvos) (< xamarinwatchos) (< xamarinios) (< xamarinmac)) (&& (>= dnxcore50) (>= netstandard1.0)) (>= netcoreapp1.0)
    Microsoft.Win32.Primitives (4.3) - restriction: || (== uap10.0) (== netstandard1.3) (== netstandard1.4) (== netstandard1.5) (== netstandard1.6) (>= netcoreapp1.0)
      Microsoft.NETCore.Platforms (>= 1.1) - restriction: == netstandard1.3
      Microsoft.NETCore.Targets (>= 1.1) - restriction: == netstandard1.3
      System.Runtime (>= 4.3) - restriction: == netstandard1.3
    Microsoft.Win32.Registry (4.4) - restriction: >= netcoreapp1.0
      Microsoft.NETCore.Platforms (>= 2.0) - restriction: >= netcoreapp2.0
      NETStandard.Library (>= 1.6.1) - restriction: && (< net46) (>= netstandard1.3) (< netstandard2.0) (< monotouch) (< xamarintvos) (< xamarinwatchos) (< xamarinios) (< xamarinmac)
      System.Security.AccessControl (>= 4.4) - restriction: || (>= net461) (&& (< netstandard1.3) (>= monoandroid)) (>= netstandard2.0) (>= monotouch) (>= xamarintvos) (>= xamarinwatchos) (>= xamarinios) (>= xamarinmac)
      System.Security.Principal.Windows (>= 4.4) - restriction: || (>= net461) (&& (< netstandard1.3) (>= monoandroid)) (>= netstandard2.0) (>= monotouch) (>= xamarintvos) (>= xamarinwatchos) (>= xamarinios) (>= xamarinmac)
    Microsoft.WindowsAPICodePack.Core (1.1)
    Microsoft.WindowsAPICodePack.Shell (1.1)
      Microsoft.WindowsAPICodePack.Core (>= 1.1)
    NETStandard.Library (2.0) - restriction: || (&& (< net20) (>= netstandard1.3) (< monoandroid)) (>= uap10.0) (&& (< netstandard1.3) (>= monoandroid)) (>= netstandard1.6) (&& (< netstandard2.0) (>= netcoreapp1.0))
      Microsoft.NETCore.Platforms (>= 1.1) - restriction: >= portable-net45+win8+wp8+wpa81
      Microsoft.NETCore.Platforms (>= 1.1) - restriction: >= portable-net45+win8+wpa81
      Microsoft.NETCore.Platforms (>= 1.1) - restriction: >= portable-net451+win81+wpa81
      Microsoft.NETCore.Platforms (>= 1.1) - restriction: == uap10.0
      Microsoft.NETCore.Platforms (>= 1.1) - restriction: == uap10.1
      Microsoft.NETCore.Platforms (>= 1.1) - restriction: == netstandard1.3
      Microsoft.NETCore.Platforms (>= 1.1) - restriction: == netstandard1.4
      Microsoft.NETCore.Platforms (>= 1.1) - restriction: == netstandard1.5
      Microsoft.NETCore.Platforms (>= 1.1) - restriction: == netstandard1.6
      Microsoft.NETCore.Platforms (>= 1.1) - restriction: == netstandard2.0
      Microsoft.NETCore.Platforms (>= 1.1) - restriction: == netcoreapp2.0
      Microsoft.NETCore.Platforms (>= 1.1) - restriction: == monoandroid
      Microsoft.NETCore.Platforms (>= 1.1) - restriction: == monotouch
      Microsoft.NETCore.Platforms (>= 1.1) - restriction: == xamarintvos
      Microsoft.NETCore.Platforms (>= 1.1) - restriction: == xamarinwatchos
      Microsoft.NETCore.Platforms (>= 1.1) - restriction: == xamarinios
      Microsoft.NETCore.Platforms (>= 1.1) - restriction: == xamarinmac
      Microsoft.Win32.Primitives (>= 4.3) - restriction: == uap10.0
      Microsoft.Win32.Primitives (>= 4.3) - restriction: == netstandard1.3
      Microsoft.Win32.Primitives (>= 4.3) - restriction: == netstandard1.4
      Microsoft.Win32.Primitives (>= 4.3) - restriction: == netstandard1.5
      Microsoft.Win32.Primitives (>= 4.3) - restriction: == netstandard1.6
      System.AppContext (>= 4.3) - restriction: == uap10.0
      System.AppContext (>= 4.3) - restriction: == netstandard1.3
      System.AppContext (>= 4.3) - restriction: == netstandard1.4
      System.AppContext (>= 4.3) - restriction: == netstandard1.5
      System.AppContext (>= 4.3) - restriction: == netstandard1.6
      System.Collections (>= 4.3) - restriction: == uap10.0
      System.Collections (>= 4.3) - restriction: == netstandard1.3
      System.Collections (>= 4.3) - restriction: == netstandard1.4
      System.Collections (>= 4.3) - restriction: == netstandard1.5
      System.Collections (>= 4.3) - restriction: == netstandard1.6
      System.Collections.Concurrent (>= 4.3) - restriction: == uap10.0
      System.Collections.Concurrent (>= 4.3) - restriction: == netstandard1.3
      System.Collections.Concurrent (>= 4.3) - restriction: == netstandard1.4
      System.Collections.Concurrent (>= 4.3) - restriction: == netstandard1.5
      System.Collections.Concurrent (>= 4.3) - restriction: == netstandard1.6
      System.Console (>= 4.3) - restriction: == uap10.0
      System.Console (>= 4.3) - restriction: == netstandard1.3
      System.Console (>= 4.3) - restriction: == netstandard1.4
      System.Console (>= 4.3) - restriction: == netstandard1.5
      System.Console (>= 4.3) - restriction: == netstandard1.6
      System.Diagnostics.Debug (>= 4.3) - restriction: == uap10.0
      System.Diagnostics.Debug (>= 4.3) - restriction: == netstandard1.3
      System.Diagnostics.Debug (>= 4.3) - restriction: == netstandard1.4
      System.Diagnostics.Debug (>= 4.3) - restriction: == netstandard1.5
      System.Diagnostics.Debug (>= 4.3) - restriction: == netstandard1.6
      System.Diagnostics.Tools (>= 4.3) - restriction: == uap10.0
      System.Diagnostics.Tools (>= 4.3) - restriction: == netstandard1.3
      System.Diagnostics.Tools (>= 4.3) - restriction: == netstandard1.4
      System.Diagnostics.Tools (>= 4.3) - restriction: == netstandard1.5
      System.Diagnostics.Tools (>= 4.3) - restriction: == netstandard1.6
      System.Diagnostics.Tracing (>= 4.3) - restriction: == uap10.0
      System.Diagnostics.Tracing (>= 4.3) - restriction: == netstandard1.3
      System.Diagnostics.Tracing (>= 4.3) - restriction: == netstandard1.4
      System.Diagnostics.Tracing (>= 4.3) - restriction: == netstandard1.5
      System.Diagnostics.Tracing (>= 4.3) - restriction: == netstandard1.6
      System.Globalization (>= 4.3) - restriction: == uap10.0
      System.Globalization (>= 4.3) - restriction: == netstandard1.3
      System.Globalization (>= 4.3) - restriction: == netstandard1.4
      System.Globalization (>= 4.3) - restriction: == netstandard1.5
      System.Globalization (>= 4.3) - restriction: == netstandard1.6
      System.Globalization.Calendars (>= 4.3) - restriction: == uap10.0
      System.Globalization.Calendars (>= 4.3) - restriction: == netstandard1.3
      System.Globalization.Calendars (>= 4.3) - restriction: == netstandard1.4
      System.Globalization.Calendars (>= 4.3) - restriction: == netstandard1.5
      System.Globalization.Calendars (>= 4.3) - restriction: == netstandard1.6
      System.IO (>= 4.3) - restriction: == uap10.0
      System.IO (>= 4.3) - restriction: == netstandard1.3
      System.IO (>= 4.3) - restriction: == netstandard1.4
      System.IO (>= 4.3) - restriction: == netstandard1.5
      System.IO (>= 4.3) - restriction: == netstandard1.6
      System.IO.Compression (>= 4.3) - restriction: == uap10.0
      System.IO.Compression (>= 4.3) - restriction: == netstandard1.3
      System.IO.Compression (>= 4.3) - restriction: == netstandard1.4
      System.IO.Compression (>= 4.3) - restriction: == netstandard1.5
      System.IO.Compression (>= 4.3) - restriction: == netstandard1.6
      System.IO.Compression.ZipFile (>= 4.3) - restriction: == uap10.0
      System.IO.Compression.ZipFile (>= 4.3) - restriction: == netstandard1.3
      System.IO.Compression.ZipFile (>= 4.3) - restriction: == netstandard1.4
      System.IO.Compression.ZipFile (>= 4.3) - restriction: == netstandard1.5
      System.IO.Compression.ZipFile (>= 4.3) - restriction: == netstandard1.6
      System.IO.FileSystem (>= 4.3) - restriction: == uap10.0
      System.IO.FileSystem (>= 4.3) - restriction: == netstandard1.3
      System.IO.FileSystem (>= 4.3) - restriction: == netstandard1.4
      System.IO.FileSystem (>= 4.3) - restriction: == netstandard1.5
      System.IO.FileSystem (>= 4.3) - restriction: == netstandard1.6
      System.IO.FileSystem.Primitives (>= 4.3) - restriction: == uap10.0
      System.IO.FileSystem.Primitives (>= 4.3) - restriction: == netstandard1.3
      System.IO.FileSystem.Primitives (>= 4.3) - restriction: == netstandard1.4
      System.IO.FileSystem.Primitives (>= 4.3) - restriction: == netstandard1.5
      System.IO.FileSystem.Primitives (>= 4.3) - restriction: == netstandard1.6
      System.Linq (>= 4.3) - restriction: == uap10.0
      System.Linq (>= 4.3) - restriction: == netstandard1.3
      System.Linq (>= 4.3) - restriction: == netstandard1.4
      System.Linq (>= 4.3) - restriction: == netstandard1.5
      System.Linq (>= 4.3) - restriction: == netstandard1.6
      System.Linq.Expressions (>= 4.3) - restriction: == uap10.0
      System.Linq.Expressions (>= 4.3) - restriction: == netstandard1.3
      System.Linq.Expressions (>= 4.3) - restriction: == netstandard1.4
      System.Linq.Expressions (>= 4.3) - restriction: == netstandard1.5
      System.Linq.Expressions (>= 4.3) - restriction: == netstandard1.6
      System.Net.Http (>= 4.3.2) - restriction: == uap10.0
      System.Net.Http (>= 4.3.2) - restriction: == netstandard1.3
      System.Net.Http (>= 4.3.2) - restriction: == netstandard1.4
      System.Net.Http (>= 4.3.2) - restriction: == netstandard1.5
      System.Net.Http (>= 4.3.2) - restriction: == netstandard1.6
      System.Net.Primitives (>= 4.3) - restriction: == uap10.0
      System.Net.Primitives (>= 4.3) - restriction: == netstandard1.3
      System.Net.Primitives (>= 4.3) - restriction: == netstandard1.4
      System.Net.Primitives (>= 4.3) - restriction: == netstandard1.5
      System.Net.Primitives (>= 4.3) - restriction: == netstandard1.6
      System.Net.Sockets (>= 4.3) - restriction: == uap10.0
      System.Net.Sockets (>= 4.3) - restriction: == netstandard1.3
      System.Net.Sockets (>= 4.3) - restriction: == netstandard1.4
      System.Net.Sockets (>= 4.3) - restriction: == netstandard1.5
      System.Net.Sockets (>= 4.3) - restriction: == netstandard1.6
      System.ObjectModel (>= 4.3) - restriction: == uap10.0
      System.ObjectModel (>= 4.3) - restriction: == netstandard1.3
      System.ObjectModel (>= 4.3) - restriction: == netstandard1.4
      System.ObjectModel (>= 4.3) - restriction: == netstandard1.5
      System.ObjectModel (>= 4.3) - restriction: == netstandard1.6
      System.Reflection (>= 4.3) - restriction: == uap10.0
      System.Reflection (>= 4.3) - restriction: == netstandard1.3
      System.Reflection (>= 4.3) - restriction: == netstandard1.4
      System.Reflection (>= 4.3) - restriction: == netstandard1.5
      System.Reflection (>= 4.3) - restriction: == netstandard1.6
      System.Reflection.Extensions (>= 4.3) - restriction: == uap10.0
      System.Reflection.Extensions (>= 4.3) - restriction: == netstandard1.3
      System.Reflection.Extensions (>= 4.3) - restriction: == netstandard1.4
      System.Reflection.Extensions (>= 4.3) - restriction: == netstandard1.5
      System.Reflection.Extensions (>= 4.3) - restriction: == netstandard1.6
      System.Reflection.Primitives (>= 4.3) - restriction: == uap10.0
      System.Reflection.Primitives (>= 4.3) - restriction: == netstandard1.3
      System.Reflection.Primitives (>= 4.3) - restriction: == netstandard1.4
      System.Reflection.Primitives (>= 4.3) - restriction: == netstandard1.5
      System.Reflection.Primitives (>= 4.3) - restriction: == netstandard1.6
      System.Resources.ResourceManager (>= 4.3) - restriction: == uap10.0
      System.Resources.ResourceManager (>= 4.3) - restriction: == netstandard1.3
      System.Resources.ResourceManager (>= 4.3) - restriction: == netstandard1.4
      System.Resources.ResourceManager (>= 4.3) - restriction: == netstandard1.5
      System.Resources.ResourceManager (>= 4.3) - restriction: == netstandard1.6
      System.Runtime (>= 4.3) - restriction: == uap10.0
      System.Runtime (>= 4.3) - restriction: == netstandard1.3
      System.Runtime (>= 4.3) - restriction: == netstandard1.4
      System.Runtime (>= 4.3) - restriction: == netstandard1.5
      System.Runtime (>= 4.3) - restriction: == netstandard1.6
      System.Runtime.Extensions (>= 4.3) - restriction: == uap10.0
      System.Runtime.Extensions (>= 4.3) - restriction: == netstandard1.3
      System.Runtime.Extensions (>= 4.3) - restriction: == netstandard1.4
      System.Runtime.Extensions (>= 4.3) - restriction: == netstandard1.5
      System.Runtime.Extensions (>= 4.3) - restriction: == netstandard1.6
      System.Runtime.Handles (>= 4.3) - restriction: == uap10.0
      System.Runtime.Handles (>= 4.3) - restriction: == netstandard1.3
      System.Runtime.Handles (>= 4.3) - restriction: == netstandard1.4
      System.Runtime.Handles (>= 4.3) - restriction: == netstandard1.5
      System.Runtime.Handles (>= 4.3) - restriction: == netstandard1.6
      System.Runtime.InteropServices (>= 4.3) - restriction: == uap10.0
      System.Runtime.InteropServices (>= 4.3) - restriction: == netstandard1.3
      System.Runtime.InteropServices (>= 4.3) - restriction: == netstandard1.4
      System.Runtime.InteropServices (>= 4.3) - restriction: == netstandard1.5
      System.Runtime.InteropServices (>= 4.3) - restriction: == netstandard1.6
      System.Runtime.InteropServices.RuntimeInformation (>= 4.3) - restriction: >= portable-net45+win8+wpa81
      System.Runtime.InteropServices.RuntimeInformation (>= 4.3) - restriction: >= portable-net451+win81+wpa81
      System.Runtime.InteropServices.RuntimeInformation (>= 4.3) - restriction: == uap10.0
      System.Runtime.InteropServices.RuntimeInformation (>= 4.3) - restriction: == netstandard1.3
      System.Runtime.InteropServices.RuntimeInformation (>= 4.3) - restriction: == netstandard1.4
      System.Runtime.InteropServices.RuntimeInformation (>= 4.3) - restriction: == netstandard1.5
      System.Runtime.InteropServices.RuntimeInformation (>= 4.3) - restriction: == netstandard1.6
      System.Runtime.Numerics (>= 4.3) - restriction: == uap10.0
      System.Runtime.Numerics (>= 4.3) - restriction: == netstandard1.3
      System.Runtime.Numerics (>= 4.3) - restriction: == netstandard1.4
      System.Runtime.Numerics (>= 4.3) - restriction: == netstandard1.5
      System.Runtime.Numerics (>= 4.3) - restriction: == netstandard1.6
      System.Security.Cryptography.Algorithms (>= 4.3) - restriction: == uap10.0
      System.Security.Cryptography.Algorithms (>= 4.3) - restriction: == netstandard1.3
      System.Security.Cryptography.Algorithms (>= 4.3) - restriction: == netstandard1.4
      System.Security.Cryptography.Algorithms (>= 4.3) - restriction: == netstandard1.5
      System.Security.Cryptography.Algorithms (>= 4.3) - restriction: == netstandard1.6
      System.Security.Cryptography.Encoding (>= 4.3) - restriction: == uap10.0
      System.Security.Cryptography.Encoding (>= 4.3) - restriction: == netstandard1.3
      System.Security.Cryptography.Encoding (>= 4.3) - restriction: == netstandard1.4
      System.Security.Cryptography.Encoding (>= 4.3) - restriction: == netstandard1.5
      System.Security.Cryptography.Encoding (>= 4.3) - restriction: == netstandard1.6
      System.Security.Cryptography.Primitives (>= 4.3) - restriction: == uap10.0
      System.Security.Cryptography.Primitives (>= 4.3) - restriction: == netstandard1.3
      System.Security.Cryptography.Primitives (>= 4.3) - restriction: == netstandard1.4
      System.Security.Cryptography.Primitives (>= 4.3) - restriction: == netstandard1.5
      System.Security.Cryptography.Primitives (>= 4.3) - restriction: == netstandard1.6
      System.Security.Cryptography.X509Certificates (>= 4.3) - restriction: == uap10.0
      System.Security.Cryptography.X509Certificates (>= 4.3) - restriction: == netstandard1.3
      System.Security.Cryptography.X509Certificates (>= 4.3) - restriction: == netstandard1.4
      System.Security.Cryptography.X509Certificates (>= 4.3) - restriction: == netstandard1.5
      System.Security.Cryptography.X509Certificates (>= 4.3) - restriction: == netstandard1.6
      System.Text.Encoding (>= 4.3) - restriction: == uap10.0
      System.Text.Encoding (>= 4.3) - restriction: == netstandard1.3
      System.Text.Encoding (>= 4.3) - restriction: == netstandard1.4
      System.Text.Encoding (>= 4.3) - restriction: == netstandard1.5
      System.Text.Encoding (>= 4.3) - restriction: == netstandard1.6
      System.Text.Encoding.Extensions (>= 4.3) - restriction: == uap10.0
      System.Text.Encoding.Extensions (>= 4.3) - restriction: == netstandard1.3
      System.Text.Encoding.Extensions (>= 4.3) - restriction: == netstandard1.4
      System.Text.Encoding.Extensions (>= 4.3) - restriction: == netstandard1.5
      System.Text.Encoding.Extensions (>= 4.3) - restriction: == netstandard1.6
      System.Text.RegularExpressions (>= 4.3) - restriction: == uap10.0
      System.Text.RegularExpressions (>= 4.3) - restriction: == netstandard1.3
      System.Text.RegularExpressions (>= 4.3) - restriction: == netstandard1.4
      System.Text.RegularExpressions (>= 4.3) - restriction: == netstandard1.5
      System.Text.RegularExpressions (>= 4.3) - restriction: == netstandard1.6
      System.Threading (>= 4.3) - restriction: == uap10.0
      System.Threading (>= 4.3) - restriction: == netstandard1.3
      System.Threading (>= 4.3) - restriction: == netstandard1.4
      System.Threading (>= 4.3) - restriction: == netstandard1.5
      System.Threading (>= 4.3) - restriction: == netstandard1.6
      System.Threading.Tasks (>= 4.3) - restriction: == uap10.0
      System.Threading.Tasks (>= 4.3) - restriction: == netstandard1.3
      System.Threading.Tasks (>= 4.3) - restriction: == netstandard1.4
      System.Threading.Tasks (>= 4.3) - restriction: == netstandard1.5
      System.Threading.Tasks (>= 4.3) - restriction: == netstandard1.6
      System.Threading.Timer (>= 4.3) - restriction: == uap10.0
      System.Threading.Timer (>= 4.3) - restriction: == netstandard1.3
      System.Threading.Timer (>= 4.3) - restriction: == netstandard1.4
      System.Threading.Timer (>= 4.3) - restriction: == netstandard1.5
      System.Threading.Timer (>= 4.3) - restriction: == netstandard1.6
      System.Xml.ReaderWriter (>= 4.3) - restriction: == uap10.0
      System.Xml.ReaderWriter (>= 4.3) - restriction: == netstandard1.3
      System.Xml.ReaderWriter (>= 4.3) - restriction: == netstandard1.4
      System.Xml.ReaderWriter (>= 4.3) - restriction: == netstandard1.5
      System.Xml.ReaderWriter (>= 4.3) - restriction: == netstandard1.6
      System.Xml.XDocument (>= 4.3) - restriction: == uap10.0
      System.Xml.XDocument (>= 4.3) - restriction: == netstandard1.3
      System.Xml.XDocument (>= 4.3) - restriction: == netstandard1.4
      System.Xml.XDocument (>= 4.3) - restriction: == netstandard1.5
      System.Xml.XDocument (>= 4.3) - restriction: == netstandard1.6
    Newtonsoft.Json (10.0.3) - restriction: >= net47
    NUnit (3.8.1)
      NETStandard.Library (>= 1.6) - restriction: || (&& (< net20) (>= netstandard1.3) (< monoandroid)) (>= uap10.0) (&& (< netstandard1.3) (>= monoandroid)) (>= netstandard1.6)
      System.Runtime.Loader (>= 4.3) - restriction: && (>= netstandard1.6) (< xamarinios)
      System.Threading.Thread (>= 4.3) - restriction: && (>= netstandard1.6) (< xamarinios)
    NUnit3TestAdapter (3.8)
      Microsoft.DotNet.InternalAbstractions (>= 1.0) - restriction: >= netcoreapp1.0
      System.ComponentModel.EventBasedAsync (>= 4.3) - restriction: >= netcoreapp1.0
      System.ComponentModel.TypeConverter (>= 4.3) - restriction: >= netcoreapp1.0
      System.Diagnostics.Process (>= 4.3) - restriction: >= netcoreapp1.0
      System.Reflection (>= 4.3) - restriction: >= netcoreapp1.0
      System.Threading.Thread (>= 4.3) - restriction: >= netcoreapp1.0
      System.Xml.XmlDocument (>= 4.3) - restriction: >= netcoreapp1.0
      System.Xml.XPath.XmlDocument (>= 4.3) - restriction: >= netcoreapp1.0
    runtime.debian.8-x64.runtime.native.System.Security.Cryptography.OpenSsl (4.3.2) - restriction: || (== uap10.0) (== netstandard1.3) (== netstandard1.4) (== netstandard1.5) (== netstandard1.6)
    runtime.fedora.23-x64.runtime.native.System.Security.Cryptography.OpenSsl (4.3.2) - restriction: || (== uap10.0) (== netstandard1.3) (== netstandard1.4) (== netstandard1.5) (== netstandard1.6)
    runtime.fedora.24-x64.runtime.native.System.Security.Cryptography.OpenSsl (4.3.2) - restriction: || (== uap10.0) (== netstandard1.3) (== netstandard1.4) (== netstandard1.5) (== netstandard1.6)
    runtime.native.System (4.3) - restriction: || (&& (== uap10.0) (>= netstandard1.6)) (== netstandard1.3) (&& (== netstandard1.4) (>= netstandard1.6)) (&& (== netstandard1.5) (>= netstandard1.6)) (== netstandard1.6) (>= netcoreapp1.0)
      Microsoft.NETCore.Platforms (>= 1.1)
      Microsoft.NETCore.Targets (>= 1.1)
    runtime.native.System.IO.Compression (4.3.1) - restriction: || (&& (== uap10.0) (== netstandard1.3)) (== netstandard1.3) (&& (== netstandard1.3) (== netstandard1.4)) (&& (== netstandard1.3) (== netstandard1.5)) (&& (== netstandard1.3) (== netstandard1.6))
      Microsoft.NETCore.Platforms (>= 1.1)
      Microsoft.NETCore.Targets (>= 1.1.1)
    runtime.native.System.Net.Http (4.3) - restriction: || (&& (== uap10.0) (>= netstandard1.6)) (&& (== netstandard1.3) (>= netstandard1.6)) (&& (== netstandard1.4) (>= netstandard1.6)) (&& (== netstandard1.5) (>= netstandard1.6)) (== netstandard1.6)
      Microsoft.NETCore.Platforms (>= 1.1)
      Microsoft.NETCore.Targets (>= 1.1)
    runtime.native.System.Security.Cryptography.Apple (4.3.1) - restriction: || (&& (== uap10.0) (>= netstandard1.6)) (&& (== netstandard1.3) (>= netstandard1.6)) (&& (== netstandard1.4) (>= netstandard1.6)) (&& (== netstandard1.5) (>= netstandard1.6)) (== netstandard1.6)
      runtime.osx.10.10-x64.runtime.native.System.Security.Cryptography.Apple (>= 4.3.1)
    runtime.native.System.Security.Cryptography.OpenSsl (4.3.2) - restriction: || (== uap10.0) (== netstandard1.3) (== netstandard1.4) (== netstandard1.5) (== netstandard1.6)
      runtime.debian.8-x64.runtime.native.System.Security.Cryptography.OpenSsl (>= 4.3.2)
      runtime.fedora.23-x64.runtime.native.System.Security.Cryptography.OpenSsl (>= 4.3.2)
      runtime.fedora.24-x64.runtime.native.System.Security.Cryptography.OpenSsl (>= 4.3.2)
      runtime.opensuse.13.2-x64.runtime.native.System.Security.Cryptography.OpenSsl (>= 4.3.2)
      runtime.opensuse.42.1-x64.runtime.native.System.Security.Cryptography.OpenSsl (>= 4.3.2)
      runtime.osx.10.10-x64.runtime.native.System.Security.Cryptography.OpenSsl (>= 4.3.2)
      runtime.rhel.7-x64.runtime.native.System.Security.Cryptography.OpenSsl (>= 4.3.2)
      runtime.ubuntu.14.04-x64.runtime.native.System.Security.Cryptography.OpenSsl (>= 4.3.2)
      runtime.ubuntu.16.04-x64.runtime.native.System.Security.Cryptography.OpenSsl (>= 4.3.2)
      runtime.ubuntu.16.10-x64.runtime.native.System.Security.Cryptography.OpenSsl (>= 4.3.2)
    runtime.opensuse.13.2-x64.runtime.native.System.Security.Cryptography.OpenSsl (4.3.2) - restriction: || (== uap10.0) (== netstandard1.3) (== netstandard1.4) (== netstandard1.5) (== netstandard1.6)
    runtime.opensuse.42.1-x64.runtime.native.System.Security.Cryptography.OpenSsl (4.3.2) - restriction: || (== uap10.0) (== netstandard1.3) (== netstandard1.4) (== netstandard1.5) (== netstandard1.6)
    runtime.osx.10.10-x64.runtime.native.System.Security.Cryptography.Apple (4.3.1) - restriction: || (&& (== uap10.0) (>= netstandard1.6)) (&& (== netstandard1.3) (>= netstandard1.6)) (&& (== netstandard1.4) (>= netstandard1.6)) (&& (== netstandard1.5) (>= netstandard1.6)) (== netstandard1.6)
    runtime.osx.10.10-x64.runtime.native.System.Security.Cryptography.OpenSsl (4.3.2) - restriction: || (== uap10.0) (== netstandard1.3) (== netstandard1.4) (== netstandard1.5) (== netstandard1.6)
    runtime.rhel.7-x64.runtime.native.System.Security.Cryptography.OpenSsl (4.3.2) - restriction: || (== uap10.0) (== netstandard1.3) (== netstandard1.4) (== netstandard1.5) (== netstandard1.6)
    runtime.ubuntu.14.04-x64.runtime.native.System.Security.Cryptography.OpenSsl (4.3.2) - restriction: || (== uap10.0) (== netstandard1.3) (== netstandard1.4) (== netstandard1.5) (== netstandard1.6)
    runtime.ubuntu.16.04-x64.runtime.native.System.Security.Cryptography.OpenSsl (4.3.2) - restriction: || (== uap10.0) (== netstandard1.3) (== netstandard1.4) (== netstandard1.5) (== netstandard1.6)
    runtime.ubuntu.16.10-x64.runtime.native.System.Security.Cryptography.OpenSsl (4.3.2) - restriction: || (== uap10.0) (== netstandard1.3) (== netstandard1.4) (== netstandard1.5) (== netstandard1.6)
    System.AppContext (4.3) - restriction: || (== uap10.0) (== netstandard1.3) (== netstandard1.4) (== netstandard1.5) (== netstandard1.6) (>= netcoreapp1.0)
      System.Runtime (>= 4.3) - restriction: == netstandard1.3
      System.Runtime (>= 4.3) - restriction: == netstandard1.6
    System.Buffers (4.4) - restriction: == netstandard1.3
    System.Collections (4.3) - restriction: || (== uap10.0) (== netstandard1.3) (== netstandard1.4) (== netstandard1.5) (== netstandard1.6) (>= netcoreapp1.0)
      Microsoft.NETCore.Platforms (>= 1.1) - restriction: || (&& (< net45) (>= netstandard1.0) (< netstandard1.3) (< monoandroid) (< win8) (< wp8) (< wpa81)) (&& (< net45) (>= netstandard1.3) (< monotouch) (< xamarintvos) (< xamarinwatchos) (< xamarinios) (< xamarinmac) (< win8) (< wpa81)) (>= dnxcore50)
      Microsoft.NETCore.Targets (>= 1.1) - restriction: || (&& (< net45) (>= netstandard1.0) (< netstandard1.3) (< monoandroid) (< win8) (< wp8) (< wpa81)) (&& (< net45) (>= netstandard1.3) (< monotouch) (< xamarintvos) (< xamarinwatchos) (< xamarinios) (< xamarinmac) (< win8) (< wpa81)) (>= dnxcore50)
      System.Runtime (>= 4.3) - restriction: || (&& (< net45) (>= netstandard1.0) (< netstandard1.3) (< monoandroid) (< win8) (< wp8) (< wpa81)) (&& (< net45) (>= netstandard1.3) (< monotouch) (< xamarintvos) (< xamarinwatchos) (< xamarinios) (< xamarinmac) (< win8) (< wpa81)) (>= dnxcore50)
    System.Collections.Concurrent (4.3) - restriction: || (== uap10.0) (== netstandard1.3) (== netstandard1.4) (== netstandard1.5) (== netstandard1.6)
      System.Collections (>= 4.3) - restriction: || (&& (< net45) (>= netstandard1.3) (< monotouch) (< xamarintvos) (< xamarinwatchos) (< xamarinios) (< xamarinmac) (< win8) (< wpa81)) (>= dnxcore50)
      System.Diagnostics.Debug (>= 4.3) - restriction: || (&& (< net45) (>= netstandard1.3) (< monotouch) (< xamarintvos) (< xamarinwatchos) (< xamarinios) (< xamarinmac) (< win8) (< wpa81)) (>= dnxcore50)
      System.Diagnostics.Tracing (>= 4.3) - restriction: || (&& (< net45) (>= netstandard1.3) (< monotouch) (< xamarintvos) (< xamarinwatchos) (< xamarinios) (< xamarinmac) (< win8) (< wpa81)) (>= dnxcore50)
      System.Globalization (>= 4.3) - restriction: || (&& (< net45) (>= netstandard1.3) (< monotouch) (< xamarintvos) (< xamarinwatchos) (< xamarinios) (< xamarinmac) (< win8) (< wpa81)) (>= dnxcore50)
      System.Reflection (>= 4.3) - restriction: && (< net45) (>= netstandard1.3) (< monotouch) (< xamarintvos) (< xamarinwatchos) (< xamarinios) (< xamarinmac) (< win8) (< wpa81)
      System.Resources.ResourceManager (>= 4.3) - restriction: || (&& (< net45) (>= netstandard1.3) (< monotouch) (< xamarintvos) (< xamarinwatchos) (< xamarinios) (< xamarinmac) (< win8) (< wpa81)) (>= dnxcore50)
      System.Runtime (>= 4.3) - restriction: || (&& (< net45) (>= netstandard1.1) (< netstandard1.3) (< monoandroid) (< win8) (< wpa81)) (&& (< net45) (>= netstandard1.3) (< monotouch) (< xamarintvos) (< xamarinwatchos) (< xamarinios) (< xamarinmac) (< win8) (< wpa81)) (>= dnxcore50)
      System.Runtime.Extensions (>= 4.3) - restriction: || (&& (< net45) (>= netstandard1.3) (< monotouch) (< xamarintvos) (< xamarinwatchos) (< xamarinios) (< xamarinmac) (< win8) (< wpa81)) (>= dnxcore50)
      System.Threading (>= 4.3) - restriction: || (&& (< net45) (>= netstandard1.3) (< monotouch) (< xamarintvos) (< xamarinwatchos) (< xamarinios) (< xamarinmac) (< win8) (< wpa81)) (>= dnxcore50)
      System.Threading.Tasks (>= 4.3) - restriction: || (&& (< net45) (>= netstandard1.1) (< netstandard1.3) (< monoandroid) (< win8) (< wpa81)) (&& (< net45) (>= netstandard1.3) (< monotouch) (< xamarintvos) (< xamarinwatchos) (< xamarinios) (< xamarinmac) (< win8) (< wpa81)) (>= dnxcore50)
    System.ComponentModel.EventBasedAsync (4.3) - restriction: >= netcoreapp1.0
      System.Resources.ResourceManager (>= 4.3) - restriction: || (&& (< net45) (>= netstandard1.3) (< monotouch) (< xamarintvos) (< xamarinwatchos) (< xamarinios) (< xamarinmac) (< win8) (< wpa81)) (>= dnxcore50)
      System.Runtime (>= 4.3) - restriction: || (&& (< net45) (>= netstandard1.0) (< netstandard1.3) (< monoandroid) (< win8) (< wp8) (< wpa81)) (&& (< net45) (>= netstandard1.3) (< monotouch) (< xamarintvos) (< xamarinwatchos) (< xamarinios) (< xamarinmac) (< win8) (< wpa81)) (>= dnxcore50)
      System.Threading (>= 4.3) - restriction: || (&& (< net45) (>= netstandard1.3) (< monotouch) (< xamarintvos) (< xamarinwatchos) (< xamarinios) (< xamarinmac) (< win8) (< wpa81)) (>= dnxcore50)
      System.Threading.Tasks (>= 4.3) - restriction: || (&& (< net45) (>= netstandard1.3) (< monotouch) (< xamarintvos) (< xamarinwatchos) (< xamarinios) (< xamarinmac) (< win8) (< wpa81)) (>= dnxcore50)
    System.ComponentModel.TypeConverter (4.3) - restriction: >= netcoreapp1.0
    System.Console (4.3) - restriction: || (== uap10.0) (== netstandard1.3) (== netstandard1.4) (== netstandard1.5) (== netstandard1.6)
      Microsoft.NETCore.Platforms (>= 1.1) - restriction: && (< net46) (>= netstandard1.3) (< monotouch) (< xamarintvos) (< xamarinwatchos) (< xamarinios) (< xamarinmac)
      Microsoft.NETCore.Targets (>= 1.1) - restriction: && (< net46) (>= netstandard1.3) (< monotouch) (< xamarintvos) (< xamarinwatchos) (< xamarinios) (< xamarinmac)
      System.IO (>= 4.3) - restriction: && (< net46) (>= netstandard1.3) (< monotouch) (< xamarintvos) (< xamarinwatchos) (< xamarinios) (< xamarinmac)
      System.Runtime (>= 4.3) - restriction: && (< net46) (>= netstandard1.3) (< monotouch) (< xamarintvos) (< xamarinwatchos) (< xamarinios) (< xamarinmac)
      System.Text.Encoding (>= 4.3) - restriction: && (< net46) (>= netstandard1.3) (< monotouch) (< xamarintvos) (< xamarinwatchos) (< xamarinios) (< xamarinmac)
    System.Diagnostics.Debug (4.3) - restriction: || (== uap10.0) (== netstandard1.3) (== netstandard1.4) (== netstandard1.5) (== netstandard1.6) (>= netcoreapp1.0)
      Microsoft.NETCore.Platforms (>= 1.1) - restriction: || (&& (< net45) (>= netstandard1.0) (< netstandard1.3) (< monoandroid) (< win8) (< wp8) (< wpa81)) (&& (< net45) (>= netstandard1.3) (< monotouch) (< xamarintvos) (< xamarinwatchos) (< xamarinios) (< xamarinmac) (< win8) (< wpa81)) (>= dnxcore50)
      Microsoft.NETCore.Targets (>= 1.1) - restriction: || (&& (< net45) (>= netstandard1.0) (< netstandard1.3) (< monoandroid) (< win8) (< wp8) (< wpa81)) (&& (< net45) (>= netstandard1.3) (< monotouch) (< xamarintvos) (< xamarinwatchos) (< xamarinios) (< xamarinmac) (< win8) (< wpa81)) (>= dnxcore50)
      System.Runtime (>= 4.3) - restriction: || (&& (< net45) (>= netstandard1.0) (< netstandard1.3) (< monoandroid) (< win8) (< wp8) (< wpa81)) (&& (< net45) (>= netstandard1.3) (< monotouch) (< xamarintvos) (< xamarinwatchos) (< xamarinios) (< xamarinmac) (< win8) (< wpa81)) (>= dnxcore50)
    System.Diagnostics.DiagnosticSource (4.4.1) - restriction: || (&& (== uap10.0) (>= dnxcore50)) (&& (== uap10.0) (>= netstandard1.6)) (&& (== uap10.0) (< win8) (< wpa81)) (== netstandard1.3) (== netstandard1.4) (== netstandard1.5) (== netstandard1.6)
      System.Collections (>= 4.3) - restriction: || (&& (< net45) (>= netstandard1.1) (< netstandard1.3)) (&& (< net45) (>= netstandard1.3) (< netcoreapp2.0) (< xamarinmac))
      System.Diagnostics.Debug (>= 4.3) - restriction: && (< net45) (>= netstandard1.3) (< netcoreapp2.0) (< xamarinmac)
      System.Diagnostics.Tracing (>= 4.3) - restriction: || (&& (< net45) (>= netstandard1.1) (< netstandard1.3)) (&& (< net45) (>= netstandard1.3) (< netcoreapp2.0) (< xamarinmac))
      System.Reflection (>= 4.3) - restriction: || (&& (< net45) (>= netstandard1.1) (< netstandard1.3)) (&& (< net45) (>= netstandard1.3) (< netcoreapp2.0) (< xamarinmac))
      System.Runtime (>= 4.3) - restriction: || (&& (< net45) (>= netstandard1.1) (< netstandard1.3)) (&& (< net45) (>= netstandard1.3) (< netcoreapp2.0) (< xamarinmac))
      System.Runtime.Extensions (>= 4.3) - restriction: && (< net45) (>= netstandard1.3) (< netcoreapp2.0) (< xamarinmac)
      System.Threading (>= 4.3) - restriction: || (&& (< net45) (>= netstandard1.1) (< netstandard1.3)) (&& (< net45) (>= netstandard1.3) (< netcoreapp2.0) (< xamarinmac))
    System.Diagnostics.Process (4.3) - restriction: >= netcoreapp1.0
      Microsoft.NETCore.Platforms (>= 1.1) - restriction: && (< net46) (>= netstandard1.4) (< monotouch) (< xamarintvos) (< xamarinwatchos) (< xamarinios) (< xamarinmac)
      Microsoft.Win32.Primitives (>= 4.3) - restriction: && (< net46) (>= netstandard1.4) (< monotouch) (< xamarintvos) (< xamarinwatchos) (< xamarinios) (< xamarinmac)
      Microsoft.Win32.Registry (>= 4.3) - restriction: && (< net46) (>= netstandard1.4) (< monotouch) (< xamarintvos) (< xamarinwatchos) (< xamarinios) (< xamarinmac)
      runtime.native.System (>= 4.3) - restriction: && (< net46) (>= netstandard1.4) (< monotouch) (< xamarintvos) (< xamarinwatchos) (< xamarinios) (< xamarinmac)
      System.Collections (>= 4.3) - restriction: && (< net46) (>= netstandard1.4) (< monotouch) (< xamarintvos) (< xamarinwatchos) (< xamarinios) (< xamarinmac)
      System.Diagnostics.Debug (>= 4.3) - restriction: && (< net46) (>= netstandard1.4) (< monotouch) (< xamarintvos) (< xamarinwatchos) (< xamarinios) (< xamarinmac)
      System.Globalization (>= 4.3) - restriction: && (< net46) (>= netstandard1.4) (< monotouch) (< xamarintvos) (< xamarinwatchos) (< xamarinios) (< xamarinmac)
      System.IO (>= 4.3) - restriction: || (&& (< net46) (>= netstandard1.3) (< netstandard1.4) (< monoandroid)) (&& (< net46) (>= netstandard1.4) (< monotouch) (< xamarintvos) (< xamarinwatchos) (< xamarinios) (< xamarinmac))
      System.IO.FileSystem (>= 4.3) - restriction: && (< net46) (>= netstandard1.4) (< monotouch) (< xamarintvos) (< xamarinwatchos) (< xamarinios) (< xamarinmac)
      System.IO.FileSystem.Primitives (>= 4.3) - restriction: && (< net46) (>= netstandard1.4) (< monotouch) (< xamarintvos) (< xamarinwatchos) (< xamarinios) (< xamarinmac)
      System.Resources.ResourceManager (>= 4.3) - restriction: && (< net46) (>= netstandard1.4) (< monotouch) (< xamarintvos) (< xamarinwatchos) (< xamarinios) (< xamarinmac)
      System.Runtime (>= 4.3) - restriction: || (&& (< net46) (>= netstandard1.3) (< netstandard1.4) (< monoandroid)) (&& (< net46) (>= netstandard1.4) (< monotouch) (< xamarintvos) (< xamarinwatchos) (< xamarinios) (< xamarinmac))
      System.Runtime.Extensions (>= 4.3) - restriction: && (< net46) (>= netstandard1.4) (< monotouch) (< xamarintvos) (< xamarinwatchos) (< xamarinios) (< xamarinmac)
      System.Runtime.Handles (>= 4.3) - restriction: || (&& (< net46) (>= netstandard1.3) (< netstandard1.4) (< monoandroid)) (&& (< net46) (>= netstandard1.4) (< monotouch) (< xamarintvos) (< xamarinwatchos) (< xamarinios) (< xamarinmac))
      System.Runtime.InteropServices (>= 4.3) - restriction: && (< net46) (>= netstandard1.4) (< monotouch) (< xamarintvos) (< xamarinwatchos) (< xamarinios) (< xamarinmac)
      System.Text.Encoding (>= 4.3) - restriction: || (&& (< net46) (>= netstandard1.3) (< netstandard1.4) (< monoandroid)) (&& (< net46) (>= netstandard1.4) (< monotouch) (< xamarintvos) (< xamarinwatchos) (< xamarinios) (< xamarinmac))
      System.Text.Encoding.Extensions (>= 4.3) - restriction: && (< net46) (>= netstandard1.4) (< monotouch) (< xamarintvos) (< xamarinwatchos) (< xamarinios) (< xamarinmac)
      System.Threading (>= 4.3) - restriction: && (< net46) (>= netstandard1.4) (< monotouch) (< xamarintvos) (< xamarinwatchos) (< xamarinios) (< xamarinmac)
      System.Threading.Tasks (>= 4.3) - restriction: && (< net46) (>= netstandard1.4) (< monotouch) (< xamarintvos) (< xamarinwatchos) (< xamarinios) (< xamarinmac)
      System.Threading.Thread (>= 4.3) - restriction: && (< net46) (>= netstandard1.4) (< monotouch) (< xamarintvos) (< xamarinwatchos) (< xamarinios) (< xamarinmac)
      System.Threading.ThreadPool (>= 4.3) - restriction: && (< net46) (>= netstandard1.4) (< monotouch) (< xamarintvos) (< xamarinwatchos) (< xamarinios) (< xamarinmac)
    System.Diagnostics.Tools (4.3) - restriction: || (== uap10.0) (== netstandard1.3) (== netstandard1.4) (== netstandard1.5) (== netstandard1.6)
      Microsoft.NETCore.Platforms (>= 1.1) - restriction: || (&& (< net45) (>= netstandard1.0) (< monotouch) (< xamarintvos) (< xamarinwatchos) (< xamarinios) (< xamarinmac) (< win8) (< wp8) (< wpa81)) (>= dnxcore50)
      Microsoft.NETCore.Targets (>= 1.1) - restriction: || (&& (< net45) (>= netstandard1.0) (< monotouch) (< xamarintvos) (< xamarinwatchos) (< xamarinios) (< xamarinmac) (< win8) (< wp8) (< wpa81)) (>= dnxcore50)
      System.Runtime (>= 4.3) - restriction: || (&& (< net45) (>= netstandard1.0) (< monotouch) (< xamarintvos) (< xamarinwatchos) (< xamarinios) (< xamarinmac) (< win8) (< wp8) (< wpa81)) (>= dnxcore50)
    System.Diagnostics.Tracing (4.3) - restriction: || (== uap10.0) (== netstandard1.3) (== netstandard1.4) (== netstandard1.5) (== netstandard1.6)
      Microsoft.NETCore.Platforms (>= 1.1) - restriction: || (&& (< net45) (>= netstandard1.1) (< netstandard1.2) (< monoandroid) (< win8)) (&& (< net45) (>= netstandard1.2) (< netstandard1.3) (< monoandroid) (< win8) (< wpa81)) (&& (< net45) (>= netstandard1.3) (< netstandard1.5) (< monoandroid) (< win8) (< wpa81)) (&& (< net45) (>= netstandard1.5) (< monotouch) (< xamarintvos) (< xamarinwatchos) (< xamarinios) (< xamarinmac)) (>= dnxcore50)
      Microsoft.NETCore.Targets (>= 1.1) - restriction: || (&& (< net45) (>= netstandard1.1) (< netstandard1.2) (< monoandroid) (< win8)) (&& (< net45) (>= netstandard1.2) (< netstandard1.3) (< monoandroid) (< win8) (< wpa81)) (&& (< net45) (>= netstandard1.3) (< netstandard1.5) (< monoandroid) (< win8) (< wpa81)) (&& (< net45) (>= netstandard1.5) (< monotouch) (< xamarintvos) (< xamarinwatchos) (< xamarinios) (< xamarinmac)) (>= dnxcore50)
      System.Runtime (>= 4.3) - restriction: || (&& (< net45) (>= netstandard1.1) (< netstandard1.2) (< monoandroid) (< win8)) (&& (< net45) (>= netstandard1.2) (< netstandard1.3) (< monoandroid) (< win8) (< wpa81)) (&& (< net45) (>= netstandard1.3) (< netstandard1.5) (< monoandroid) (< win8) (< wpa81)) (&& (< net45) (>= netstandard1.5) (< monotouch) (< xamarintvos) (< xamarinwatchos) (< xamarinios) (< xamarinmac)) (>= dnxcore50)
    System.Globalization (4.3) - restriction: || (== uap10.0) (== netstandard1.3) (== netstandard1.4) (== netstandard1.5) (== netstandard1.6) (>= netcoreapp1.0)
      Microsoft.NETCore.Platforms (>= 1.1) - restriction: || (&& (< net45) (>= netstandard1.0) (< netstandard1.3) (< monoandroid) (< win8) (< wp8) (< wpa81)) (&& (< net45) (>= netstandard1.3) (< monotouch) (< xamarintvos) (< xamarinwatchos) (< xamarinios) (< xamarinmac) (< win8) (< wpa81)) (>= dnxcore50)
      Microsoft.NETCore.Targets (>= 1.1) - restriction: || (&& (< net45) (>= netstandard1.0) (< netstandard1.3) (< monoandroid) (< win8) (< wp8) (< wpa81)) (&& (< net45) (>= netstandard1.3) (< monotouch) (< xamarintvos) (< xamarinwatchos) (< xamarinios) (< xamarinmac) (< win8) (< wpa81)) (>= dnxcore50)
      System.Runtime (>= 4.3) - restriction: || (&& (< net45) (>= netstandard1.0) (< netstandard1.3) (< monoandroid) (< win8) (< wp8) (< wpa81)) (&& (< net45) (>= netstandard1.3) (< monotouch) (< xamarintvos) (< xamarinwatchos) (< xamarinios) (< xamarinmac) (< win8) (< wpa81)) (>= dnxcore50)
    System.Globalization.Calendars (4.3) - restriction: || (== uap10.0) (== netstandard1.3) (== netstandard1.4) (== netstandard1.5) (== netstandard1.6)
      Microsoft.NETCore.Platforms (>= 1.1) - restriction: && (< net46) (>= netstandard1.3) (< monotouch) (< xamarintvos) (< xamarinwatchos) (< xamarinios) (< xamarinmac)
      Microsoft.NETCore.Targets (>= 1.1) - restriction: && (< net46) (>= netstandard1.3) (< monotouch) (< xamarintvos) (< xamarinwatchos) (< xamarinios) (< xamarinmac)
      System.Globalization (>= 4.3) - restriction: && (< net46) (>= netstandard1.3) (< monotouch) (< xamarintvos) (< xamarinwatchos) (< xamarinios) (< xamarinmac)
      System.Runtime (>= 4.3) - restriction: && (< net46) (>= netstandard1.3) (< monotouch) (< xamarintvos) (< xamarinwatchos) (< xamarinios) (< xamarinmac)
    System.Globalization.Extensions (4.3) - restriction: || (&& (== uap10.0) (>= netstandard1.6)) (&& (== netstandard1.3) (>= netstandard1.6)) (&& (== netstandard1.4) (>= netstandard1.6)) (&& (== netstandard1.5) (>= netstandard1.6)) (== netstandard1.6)
      Microsoft.NETCore.Platforms (>= 1.1) - restriction: && (< net46) (>= netstandard1.3) (< monotouch) (< xamarintvos) (< xamarinwatchos) (< xamarinios) (< xamarinmac)
      System.Globalization (>= 4.3) - restriction: && (< net46) (>= netstandard1.3) (< monotouch) (< xamarintvos) (< xamarinwatchos) (< xamarinios) (< xamarinmac)
      System.Resources.ResourceManager (>= 4.3) - restriction: && (< net46) (>= netstandard1.3) (< monotouch) (< xamarintvos) (< xamarinwatchos) (< xamarinios) (< xamarinmac)
      System.Runtime (>= 4.3) - restriction: && (< net46) (>= netstandard1.3) (< monotouch) (< xamarintvos) (< xamarinwatchos) (< xamarinios) (< xamarinmac)
      System.Runtime.Extensions (>= 4.3) - restriction: && (< net46) (>= netstandard1.3) (< monotouch) (< xamarintvos) (< xamarinwatchos) (< xamarinios) (< xamarinmac)
      System.Runtime.InteropServices (>= 4.3) - restriction: && (< net46) (>= netstandard1.3) (< monotouch) (< xamarintvos) (< xamarinwatchos) (< xamarinios) (< xamarinmac)
    System.IO (4.3) - restriction: || (== uap10.0) (== netstandard1.3) (== netstandard1.4) (== netstandard1.5) (== netstandard1.6) (>= netcoreapp1.0)
      Microsoft.NETCore.Platforms (>= 1.1) - restriction: || (&& (< net45) (>= netstandard1.0) (< netstandard1.3) (< monoandroid) (< win8) (< wp8) (< wpa81)) (&& (< net45) (>= netstandard1.3) (< netstandard1.5) (< monoandroid) (< win8) (< wpa81)) (&& (< net45) (>= netstandard1.5) (< monotouch) (< xamarintvos) (< xamarinwatchos) (< xamarinios) (< xamarinmac)) (>= dnxcore50)
      Microsoft.NETCore.Targets (>= 1.1) - restriction: || (&& (< net45) (>= netstandard1.0) (< netstandard1.3) (< monoandroid) (< win8) (< wp8) (< wpa81)) (&& (< net45) (>= netstandard1.3) (< netstandard1.5) (< monoandroid) (< win8) (< wpa81)) (&& (< net45) (>= netstandard1.5) (< monotouch) (< xamarintvos) (< xamarinwatchos) (< xamarinios) (< xamarinmac)) (>= dnxcore50)
      System.Runtime (>= 4.3) - restriction: || (&& (< net45) (>= netstandard1.0) (< netstandard1.3) (< monoandroid) (< win8) (< wp8) (< wpa81)) (&& (< net45) (>= netstandard1.3) (< netstandard1.5) (< monoandroid) (< win8) (< wpa81)) (&& (< net45) (>= netstandard1.5) (< monotouch) (< xamarintvos) (< xamarinwatchos) (< xamarinios) (< xamarinmac)) (>= dnxcore50)
      System.Text.Encoding (>= 4.3) - restriction: || (&& (< net45) (>= netstandard1.0) (< netstandard1.3) (< monoandroid) (< win8) (< wp8) (< wpa81)) (&& (< net45) (>= netstandard1.3) (< netstandard1.5) (< monoandroid) (< win8) (< wpa81)) (&& (< net45) (>= netstandard1.5) (< monotouch) (< xamarintvos) (< xamarinwatchos) (< xamarinios) (< xamarinmac)) (>= dnxcore50)
      System.Threading.Tasks (>= 4.3) - restriction: || (&& (< net45) (>= netstandard1.0) (< netstandard1.3) (< monoandroid) (< win8) (< wp8) (< wpa81)) (&& (< net45) (>= netstandard1.3) (< netstandard1.5) (< monoandroid) (< win8) (< wpa81)) (&& (< net45) (>= netstandard1.5) (< monotouch) (< xamarintvos) (< xamarinwatchos) (< xamarinios) (< xamarinmac)) (>= dnxcore50)
    System.IO.Compression (4.3) - restriction: || (== uap10.0) (== netstandard1.3) (== netstandard1.4) (== netstandard1.5) (== netstandard1.6)
      Microsoft.NETCore.Platforms (>= 1.1) - restriction: == netstandard1.3
      runtime.native.System (>= 4.3) - restriction: == netstandard1.3
      runtime.native.System.IO.Compression (>= 4.3) - restriction: == netstandard1.3
      System.Buffers (>= 4.3) - restriction: == netstandard1.3
      System.Collections (>= 4.3) - restriction: == netstandard1.3
      System.Diagnostics.Debug (>= 4.3) - restriction: == netstandard1.3
      System.IO (>= 4.3) - restriction: == netstandard1.3
      System.Resources.ResourceManager (>= 4.3) - restriction: == netstandard1.3
      System.Runtime (>= 4.3) - restriction: == netstandard1.3
      System.Runtime.Extensions (>= 4.3) - restriction: == netstandard1.3
      System.Runtime.Handles (>= 4.3) - restriction: == netstandard1.3
      System.Runtime.InteropServices (>= 4.3) - restriction: == netstandard1.3
      System.Text.Encoding (>= 4.3) - restriction: == netstandard1.3
      System.Threading (>= 4.3) - restriction: == netstandard1.3
      System.Threading.Tasks (>= 4.3) - restriction: == netstandard1.3
    System.IO.Compression.ZipFile (4.3) - restriction: || (== uap10.0) (== netstandard1.3) (== netstandard1.4) (== netstandard1.5) (== netstandard1.6)
      System.Buffers (>= 4.3) - restriction: == netstandard1.3
      System.IO (>= 4.3) - restriction: == netstandard1.3
      System.IO.Compression (>= 4.3) - restriction: == netstandard1.3
      System.IO.FileSystem (>= 4.3) - restriction: == netstandard1.3
      System.IO.FileSystem.Primitives (>= 4.3) - restriction: == netstandard1.3
      System.Resources.ResourceManager (>= 4.3) - restriction: == netstandard1.3
      System.Runtime (>= 4.3) - restriction: == netstandard1.3
      System.Runtime.Extensions (>= 4.3) - restriction: == netstandard1.3
      System.Text.Encoding (>= 4.3) - restriction: == netstandard1.3
    System.IO.FileSystem (4.3) - restriction: || (== uap10.0) (== netstandard1.3) (== netstandard1.4) (== netstandard1.5) (== netstandard1.6) (>= netcoreapp1.0)
      Microsoft.NETCore.Platforms (>= 1.1) - restriction: && (< net46) (>= netstandard1.3) (< monotouch) (< xamarintvos) (< xamarinwatchos) (< xamarinios) (< xamarinmac)
      Microsoft.NETCore.Targets (>= 1.1) - restriction: && (< net46) (>= netstandard1.3) (< monotouch) (< xamarintvos) (< xamarinwatchos) (< xamarinios) (< xamarinmac)
      System.IO (>= 4.3) - restriction: && (< net46) (>= netstandard1.3) (< monotouch) (< xamarintvos) (< xamarinwatchos) (< xamarinios) (< xamarinmac)
      System.IO.FileSystem.Primitives (>= 4.3) - restriction: || (>= net46) (&& (>= netstandard1.3) (< monotouch) (< xamarintvos) (< xamarinwatchos) (< xamarinios) (< xamarinmac))
      System.Runtime (>= 4.3) - restriction: && (< net46) (>= netstandard1.3) (< monotouch) (< xamarintvos) (< xamarinwatchos) (< xamarinios) (< xamarinmac)
      System.Runtime.Handles (>= 4.3) - restriction: && (< net46) (>= netstandard1.3) (< monotouch) (< xamarintvos) (< xamarinwatchos) (< xamarinios) (< xamarinmac)
      System.Text.Encoding (>= 4.3) - restriction: && (< net46) (>= netstandard1.3) (< monotouch) (< xamarintvos) (< xamarinwatchos) (< xamarinios) (< xamarinmac)
      System.Threading.Tasks (>= 4.3) - restriction: && (< net46) (>= netstandard1.3) (< monotouch) (< xamarintvos) (< xamarinwatchos) (< xamarinios) (< xamarinmac)
    System.IO.FileSystem.Primitives (4.3) - restriction: || (== uap10.0) (== netstandard1.3) (== netstandard1.4) (== netstandard1.5) (== netstandard1.6) (>= netcoreapp1.0)
      System.Runtime (>= 4.3) - restriction: && (< net46) (>= netstandard1.3) (< monotouch) (< xamarintvos) (< xamarinwatchos) (< xamarinios) (< xamarinmac)
    System.Linq (4.3) - restriction: || (== uap10.0) (== netstandard1.3) (== netstandard1.4) (== netstandard1.5) (== netstandard1.6)
      System.Collections (>= 4.3) - restriction: || (&& (< net45) (>= netstandard1.0) (< netstandard1.6) (< monoandroid) (< win8) (< wp8) (< wpa81)) (>= dnxcore50) (&& (>= netstandard1.6) (< monotouch) (< xamarintvos) (< xamarinwatchos) (< xamarinios) (< xamarinmac))
      System.Diagnostics.Debug (>= 4.3) - restriction: || (>= dnxcore50) (&& (>= netstandard1.6) (< monotouch) (< xamarintvos) (< xamarinwatchos) (< xamarinios) (< xamarinmac))
      System.Resources.ResourceManager (>= 4.3) - restriction: || (>= dnxcore50) (&& (>= netstandard1.6) (< monotouch) (< xamarintvos) (< xamarinwatchos) (< xamarinios) (< xamarinmac))
      System.Runtime (>= 4.3) - restriction: || (&& (< net45) (>= netstandard1.0) (< netstandard1.6) (< monoandroid) (< win8) (< wp8) (< wpa81)) (>= dnxcore50) (&& (>= netstandard1.6) (< monotouch) (< xamarintvos) (< xamarinwatchos) (< xamarinios) (< xamarinmac))
      System.Runtime.Extensions (>= 4.3) - restriction: || (>= dnxcore50) (&& (>= netstandard1.6) (< monotouch) (< xamarintvos) (< xamarinwatchos) (< xamarinios) (< xamarinmac))
    System.Linq.Expressions (4.3) - restriction: || (== uap10.0) (== netstandard1.3) (== netstandard1.4) (== netstandard1.5) (== netstandard1.6)
      System.Collections (>= 4.3) - restriction: || (>= dnxcore50) (&& (>= netstandard1.6) (< monotouch) (< xamarintvos) (< xamarinwatchos) (< xamarinios) (< xamarinmac))
      System.Diagnostics.Debug (>= 4.3) - restriction: || (>= dnxcore50) (&& (>= netstandard1.6) (< monotouch) (< xamarintvos) (< xamarinwatchos) (< xamarinios) (< xamarinmac))
      System.Globalization (>= 4.3) - restriction: || (>= dnxcore50) (&& (>= netstandard1.6) (< monotouch) (< xamarintvos) (< xamarinwatchos) (< xamarinios) (< xamarinmac))
      System.IO (>= 4.3) - restriction: || (>= dnxcore50) (&& (>= netstandard1.6) (< monotouch) (< xamarintvos) (< xamarinwatchos) (< xamarinios) (< xamarinmac))
      System.Linq (>= 4.3) - restriction: || (>= dnxcore50) (&& (>= netstandard1.6) (< monotouch) (< xamarintvos) (< xamarinwatchos) (< xamarinios) (< xamarinmac))
      System.ObjectModel (>= 4.3) - restriction: && (>= netstandard1.6) (< monotouch) (< xamarintvos) (< xamarinwatchos) (< xamarinios) (< xamarinmac)
      System.Reflection (>= 4.3) - restriction: || (&& (< net45) (>= netstandard1.0) (< netstandard1.3) (< monoandroid) (< win8) (< wp8) (< wpa81)) (&& (< net45) (>= netstandard1.3) (< netstandard1.6) (< monoandroid) (< win8) (< wpa81)) (>= dnxcore50) (&& (>= netstandard1.6) (< monotouch) (< xamarintvos) (< xamarinwatchos) (< xamarinios) (< xamarinmac))
      System.Reflection.Emit (>= 4.3) - restriction: && (>= netstandard1.6) (< monotouch) (< xamarintvos) (< xamarinwatchos) (< xamarinios) (< xamarinmac)
      System.Reflection.Emit.ILGeneration (>= 4.3) - restriction: || (>= dnxcore50) (&& (>= netstandard1.6) (< monotouch) (< xamarintvos) (< xamarinwatchos) (< xamarinios) (< xamarinmac))
      System.Reflection.Emit.Lightweight (>= 4.3) - restriction: || (>= dnxcore50) (&& (>= netstandard1.6) (< monotouch) (< xamarintvos) (< xamarinwatchos) (< xamarinios) (< xamarinmac))
      System.Reflection.Extensions (>= 4.3) - restriction: || (>= dnxcore50) (&& (>= netstandard1.6) (< monotouch) (< xamarintvos) (< xamarinwatchos) (< xamarinios) (< xamarinmac))
      System.Reflection.Primitives (>= 4.3) - restriction: || (>= dnxcore50) (&& (>= netstandard1.6) (< monotouch) (< xamarintvos) (< xamarinwatchos) (< xamarinios) (< xamarinmac))
      System.Reflection.TypeExtensions (>= 4.3) - restriction: || (>= dnxcore50) (&& (>= netstandard1.6) (< monotouch) (< xamarintvos) (< xamarinwatchos) (< xamarinios) (< xamarinmac))
      System.Resources.ResourceManager (>= 4.3) - restriction: || (>= dnxcore50) (&& (>= netstandard1.6) (< monotouch) (< xamarintvos) (< xamarinwatchos) (< xamarinios) (< xamarinmac))
      System.Runtime (>= 4.3) - restriction: || (&& (< net45) (>= netstandard1.0) (< netstandard1.3) (< monoandroid) (< win8) (< wp8) (< wpa81)) (&& (< net45) (>= netstandard1.3) (< netstandard1.6) (< monoandroid) (< win8) (< wpa81)) (>= dnxcore50) (&& (>= netstandard1.6) (< monotouch) (< xamarintvos) (< xamarinwatchos) (< xamarinios) (< xamarinmac))
      System.Runtime.Extensions (>= 4.3) - restriction: || (>= dnxcore50) (&& (>= netstandard1.6) (< monotouch) (< xamarintvos) (< xamarinwatchos) (< xamarinios) (< xamarinmac))
      System.Threading (>= 4.3) - restriction: || (>= dnxcore50) (&& (>= netstandard1.6) (< monotouch) (< xamarintvos) (< xamarinwatchos) (< xamarinios) (< xamarinmac))
    System.Net.Http (4.3.3) - restriction: || (== uap10.0) (== netstandard1.3) (== netstandard1.4) (== netstandard1.5) (== netstandard1.6)
      Microsoft.NETCore.Platforms (>= 1.1) - restriction: || (&& (< net45) (>= netstandard1.3) (< netstandard1.6) (< monoandroid) (< win8) (< wpa81)) (>= dnxcore50) (&& (>= netstandard1.6) (< monotouch) (< xamarintvos) (< xamarinwatchos) (< xamarinios) (< xamarinmac))
      Microsoft.Win32.Primitives (>= 4.3) - restriction: && (< net45) (>= netstandard1.3) (< netstandard1.6) (< monoandroid) (< win8) (< wpa81)
      runtime.native.System (>= 4.3) - restriction: && (>= netstandard1.6) (< monotouch) (< xamarintvos) (< xamarinwatchos) (< xamarinios) (< xamarinmac)
      runtime.native.System.Net.Http (>= 4.3) - restriction: && (>= netstandard1.6) (< monotouch) (< xamarintvos) (< xamarinwatchos) (< xamarinios) (< xamarinmac)
      runtime.native.System.Security.Cryptography.OpenSsl (>= 4.3.2) - restriction: && (>= netstandard1.6) (< monotouch) (< xamarintvos) (< xamarinwatchos) (< xamarinios) (< xamarinmac)
      System.Collections (>= 4.3) - restriction: || (&& (< net45) (>= netstandard1.3) (< netstandard1.6) (< monoandroid) (< win8) (< wpa81)) (>= dnxcore50) (&& (>= netstandard1.6) (< monotouch) (< xamarintvos) (< xamarinwatchos) (< xamarinios) (< xamarinmac))
      System.Diagnostics.Debug (>= 4.3) - restriction: || (&& (< net45) (>= netstandard1.3) (< netstandard1.6) (< monoandroid) (< win8) (< wpa81)) (>= dnxcore50) (&& (>= netstandard1.6) (< monotouch) (< xamarintvos) (< xamarinwatchos) (< xamarinios) (< xamarinmac))
      System.Diagnostics.DiagnosticSource (>= 4.3) - restriction: || (&& (< net45) (>= netstandard1.3) (< netstandard1.6) (< monoandroid) (< win8) (< wpa81)) (>= dnxcore50) (&& (>= netstandard1.6) (< monotouch) (< xamarintvos) (< xamarinwatchos) (< xamarinios) (< xamarinmac))
      System.Diagnostics.Tracing (>= 4.3) - restriction: || (&& (< net45) (>= netstandard1.3) (< netstandard1.6) (< monoandroid) (< win8) (< wpa81)) (>= dnxcore50) (&& (>= netstandard1.6) (< monotouch) (< xamarintvos) (< xamarinwatchos) (< xamarinios) (< xamarinmac))
      System.Globalization (>= 4.3) - restriction: || (&& (< net45) (>= netstandard1.3) (< netstandard1.6) (< monoandroid) (< win8) (< wpa81)) (>= dnxcore50) (&& (>= netstandard1.6) (< monotouch) (< xamarintvos) (< xamarinwatchos) (< xamarinios) (< xamarinmac))
      System.Globalization.Extensions (>= 4.3) - restriction: && (>= netstandard1.6) (< monotouch) (< xamarintvos) (< xamarinwatchos) (< xamarinios) (< xamarinmac)
      System.IO (>= 4.3) - restriction: || (&& (< net45) (>= netstandard1.1) (< netstandard1.3) (< monoandroid) (< win8) (< wpa81)) (&& (< net45) (>= netstandard1.3) (< netstandard1.6) (< monoandroid) (< win8) (< wpa81)) (>= dnxcore50) (&& (>= netstandard1.6) (< monotouch) (< xamarintvos) (< xamarinwatchos) (< xamarinios) (< xamarinmac))
      System.IO.Compression (>= 4.3) - restriction: && (< net45) (>= netstandard1.3) (< netstandard1.6) (< monoandroid) (< win8) (< wpa81)
      System.IO.FileSystem (>= 4.3) - restriction: && (>= netstandard1.6) (< monotouch) (< xamarintvos) (< xamarinwatchos) (< xamarinios) (< xamarinmac)
      System.Net.Primitives (>= 4.3) - restriction: || (&& (< net45) (>= netstandard1.1) (< netstandard1.3) (< monoandroid) (< win8) (< wpa81)) (&& (< net45) (>= netstandard1.3) (< netstandard1.6) (< monoandroid) (< win8) (< wpa81)) (>= dnxcore50) (&& (>= netstandard1.6) (< monotouch) (< xamarintvos) (< xamarinwatchos) (< xamarinios) (< xamarinmac))
      System.Resources.ResourceManager (>= 4.3) - restriction: || (&& (< net45) (>= netstandard1.3) (< netstandard1.6) (< monoandroid) (< win8) (< wpa81)) (>= dnxcore50) (&& (>= netstandard1.6) (< monotouch) (< xamarintvos) (< xamarinwatchos) (< xamarinios) (< xamarinmac))
      System.Runtime (>= 4.3) - restriction: || (&& (< net45) (>= netstandard1.1) (< netstandard1.3) (< monoandroid) (< win8) (< wpa81)) (&& (< net45) (>= netstandard1.3) (< netstandard1.6) (< monoandroid) (< win8) (< wpa81)) (>= dnxcore50) (&& (>= netstandard1.6) (< monotouch) (< xamarintvos) (< xamarinwatchos) (< xamarinios) (< xamarinmac))
      System.Runtime.Extensions (>= 4.3) - restriction: || (&& (< net45) (>= netstandard1.3) (< netstandard1.6) (< monoandroid) (< win8) (< wpa81)) (>= dnxcore50) (&& (>= netstandard1.6) (< monotouch) (< xamarintvos) (< xamarinwatchos) (< xamarinios) (< xamarinmac))
      System.Runtime.Handles (>= 4.3) - restriction: || (&& (< net45) (>= netstandard1.3) (< netstandard1.6) (< monoandroid) (< win8) (< wpa81)) (&& (>= netstandard1.6) (< monotouch) (< xamarintvos) (< xamarinwatchos) (< xamarinios) (< xamarinmac))
      System.Runtime.InteropServices (>= 4.3) - restriction: || (&& (< net45) (>= netstandard1.3) (< netstandard1.6) (< monoandroid) (< win8) (< wpa81)) (>= dnxcore50) (&& (>= netstandard1.6) (< monotouch) (< xamarintvos) (< xamarinwatchos) (< xamarinios) (< xamarinmac))
      System.Security.Cryptography.Algorithms (>= 4.3) - restriction: && (>= netstandard1.6) (< monotouch) (< xamarintvos) (< xamarinwatchos) (< xamarinios) (< xamarinmac)
      System.Security.Cryptography.Encoding (>= 4.3) - restriction: || (&& (< net45) (>= netstandard1.3) (< netstandard1.6) (< monoandroid) (< win8) (< wpa81)) (&& (>= netstandard1.6) (< monotouch) (< xamarintvos) (< xamarinwatchos) (< xamarinios) (< xamarinmac))
      System.Security.Cryptography.OpenSsl (>= 4.3) - restriction: && (>= netstandard1.6) (< monotouch) (< xamarintvos) (< xamarinwatchos) (< xamarinios) (< xamarinmac)
      System.Security.Cryptography.Primitives (>= 4.3) - restriction: && (>= netstandard1.6) (< monotouch) (< xamarintvos) (< xamarinwatchos) (< xamarinios) (< xamarinmac)
      System.Security.Cryptography.X509Certificates (>= 4.3) - restriction: || (&& (< net45) (>= netstandard1.3) (< netstandard1.6) (< monoandroid) (< win8) (< wpa81)) (>= net46) (>= dnxcore50) (&& (>= netstandard1.6) (< monotouch) (< xamarintvos) (< xamarinwatchos) (< xamarinios) (< xamarinmac))
      System.Text.Encoding (>= 4.3) - restriction: || (&& (< net45) (>= netstandard1.1) (< netstandard1.3) (< monoandroid) (< win8) (< wpa81)) (&& (< net45) (>= netstandard1.3) (< netstandard1.6) (< monoandroid) (< win8) (< wpa81)) (>= dnxcore50) (&& (>= netstandard1.6) (< monotouch) (< xamarintvos) (< xamarinwatchos) (< xamarinios) (< xamarinmac))
      System.Threading (>= 4.3) - restriction: || (&& (< net45) (>= netstandard1.3) (< netstandard1.6) (< monoandroid) (< win8) (< wpa81)) (>= dnxcore50) (&& (>= netstandard1.6) (< monotouch) (< xamarintvos) (< xamarinwatchos) (< xamarinios) (< xamarinmac))
      System.Threading.Tasks (>= 4.3) - restriction: || (&& (< net45) (>= netstandard1.1) (< netstandard1.3) (< monoandroid) (< win8) (< wpa81)) (&& (< net45) (>= netstandard1.3) (< netstandard1.6) (< monoandroid) (< win8) (< wpa81)) (>= dnxcore50) (&& (>= netstandard1.6) (< monotouch) (< xamarintvos) (< xamarinwatchos) (< xamarinios) (< xamarinmac))
    System.Net.Primitives (4.3) - restriction: || (== uap10.0) (== netstandard1.3) (== netstandard1.4) (== netstandard1.5) (== netstandard1.6)
      Microsoft.NETCore.Platforms (>= 1.1) - restriction: || (&& (< net45) (>= netstandard1.1) (< netstandard1.3) (< monoandroid) (< win8) (< wpa81)) (&& (< net45) (>= netstandard1.3) (< monotouch) (< xamarintvos) (< xamarinwatchos) (< xamarinios) (< xamarinmac) (< win8) (< wpa81)) (>= dnxcore50) (&& (>= netstandard1.0) (< netstandard1.1) (< monoandroid) (< win8) (< wp8))
      Microsoft.NETCore.Targets (>= 1.1) - restriction: || (&& (< net45) (>= netstandard1.1) (< netstandard1.3) (< monoandroid) (< win8) (< wpa81)) (&& (< net45) (>= netstandard1.3) (< monotouch) (< xamarintvos) (< xamarinwatchos) (< xamarinios) (< xamarinmac) (< win8) (< wpa81)) (>= dnxcore50) (&& (>= netstandard1.0) (< netstandard1.1) (< monoandroid) (< win8) (< wp8))
      System.Runtime (>= 4.3) - restriction: || (&& (< net45) (>= netstandard1.1) (< netstandard1.3) (< monoandroid) (< win8) (< wpa81)) (&& (< net45) (>= netstandard1.3) (< monotouch) (< xamarintvos) (< xamarinwatchos) (< xamarinios) (< xamarinmac) (< win8) (< wpa81)) (>= dnxcore50) (&& (>= netstandard1.0) (< netstandard1.1) (< monoandroid) (< win8) (< wp8))
      System.Runtime.Handles (>= 4.3) - restriction: || (&& (< net45) (>= netstandard1.3) (< monotouch) (< xamarintvos) (< xamarinwatchos) (< xamarinios) (< xamarinmac) (< win8) (< wpa81)) (>= dnxcore50)
    System.Net.Sockets (4.3) - restriction: || (== uap10.0) (== netstandard1.3) (== netstandard1.4) (== netstandard1.5) (== netstandard1.6)
      Microsoft.NETCore.Platforms (>= 1.1) - restriction: == netstandard1.3
      Microsoft.NETCore.Targets (>= 1.1) - restriction: == netstandard1.3
      System.IO (>= 4.3) - restriction: == netstandard1.3
      System.Net.Primitives (>= 4.3) - restriction: == netstandard1.3
      System.Runtime (>= 4.3) - restriction: == netstandard1.3
      System.Threading.Tasks (>= 4.3) - restriction: == netstandard1.3
    System.ObjectModel (4.3) - restriction: || (== uap10.0) (== netstandard1.3) (== netstandard1.4) (== netstandard1.5) (== netstandard1.6)
      System.Collections (>= 4.3) - restriction: || (&& (< net45) (>= netstandard1.3) (< monotouch) (< xamarintvos) (< xamarinwatchos) (< xamarinios) (< xamarinmac) (< win8) (< wpa81)) (>= dnxcore50)
      System.Diagnostics.Debug (>= 4.3) - restriction: || (&& (< net45) (>= netstandard1.3) (< monotouch) (< xamarintvos) (< xamarinwatchos) (< xamarinios) (< xamarinmac) (< win8) (< wpa81)) (>= dnxcore50)
      System.Resources.ResourceManager (>= 4.3) - restriction: || (&& (< net45) (>= netstandard1.3) (< monotouch) (< xamarintvos) (< xamarinwatchos) (< xamarinios) (< xamarinmac) (< win8) (< wpa81)) (>= dnxcore50)
      System.Runtime (>= 4.3) - restriction: || (&& (< net45) (>= netstandard1.0) (< netstandard1.3) (< monoandroid) (< win8) (< wp8) (< wpa81)) (&& (< net45) (>= netstandard1.3) (< monotouch) (< xamarintvos) (< xamarinwatchos) (< xamarinios) (< xamarinmac) (< win8) (< wpa81)) (>= dnxcore50)
      System.Threading (>= 4.3) - restriction: || (&& (< net45) (>= netstandard1.3) (< monotouch) (< xamarintvos) (< xamarinwatchos) (< xamarinios) (< xamarinmac) (< win8) (< wpa81)) (>= dnxcore50)
    System.Reflection (4.3) - restriction: || (== uap10.0) (== netstandard1.3) (== netstandard1.4) (== netstandard1.5) (== netstandard1.6) (>= netcoreapp1.0)
      Microsoft.NETCore.Platforms (>= 1.1) - restriction: || (&& (< net45) (>= netstandard1.0) (< netstandard1.3) (< monoandroid) (< win8) (< wp8) (< wpa81)) (&& (< net45) (>= netstandard1.3) (< netstandard1.5) (< monoandroid) (< win8) (< wpa81)) (&& (< net45) (>= netstandard1.5) (< monotouch) (< xamarintvos) (< xamarinwatchos) (< xamarinios) (< xamarinmac)) (>= dnxcore50)
      Microsoft.NETCore.Targets (>= 1.1) - restriction: || (&& (< net45) (>= netstandard1.0) (< netstandard1.3) (< monoandroid) (< win8) (< wp8) (< wpa81)) (&& (< net45) (>= netstandard1.3) (< netstandard1.5) (< monoandroid) (< win8) (< wpa81)) (&& (< net45) (>= netstandard1.5) (< monotouch) (< xamarintvos) (< xamarinwatchos) (< xamarinios) (< xamarinmac)) (>= dnxcore50)
      System.IO (>= 4.3) - restriction: || (&& (< net45) (>= netstandard1.0) (< netstandard1.3) (< monoandroid) (< win8) (< wp8) (< wpa81)) (&& (< net45) (>= netstandard1.3) (< netstandard1.5) (< monoandroid) (< win8) (< wpa81)) (&& (< net45) (>= netstandard1.5) (< monotouch) (< xamarintvos) (< xamarinwatchos) (< xamarinios) (< xamarinmac)) (>= dnxcore50)
      System.Reflection.Primitives (>= 4.3) - restriction: || (&& (< net45) (>= netstandard1.0) (< netstandard1.3) (< monoandroid) (< win8) (< wp8) (< wpa81)) (&& (< net45) (>= netstandard1.3) (< netstandard1.5) (< monoandroid) (< win8) (< wpa81)) (&& (< net45) (>= netstandard1.5) (< monotouch) (< xamarintvos) (< xamarinwatchos) (< xamarinios) (< xamarinmac)) (>= dnxcore50)
      System.Runtime (>= 4.3) - restriction: || (&& (< net45) (>= netstandard1.0) (< netstandard1.3) (< monoandroid) (< win8) (< wp8) (< wpa81)) (&& (< net45) (>= netstandard1.3) (< netstandard1.5) (< monoandroid) (< win8) (< wpa81)) (&& (< net45) (>= netstandard1.5) (< monotouch) (< xamarintvos) (< xamarinwatchos) (< xamarinios) (< xamarinmac)) (>= dnxcore50)
    System.Reflection.Emit (4.3) - restriction: || (&& (== uap10.0) (>= netstandard1.6)) (&& (== netstandard1.3) (>= netstandard1.6)) (&& (== netstandard1.4) (>= netstandard1.6)) (&& (== netstandard1.5) (>= netstandard1.6)) (== netstandard1.6)
      System.IO (>= 4.3) - restriction: && (< net45) (>= netstandard1.1) (< monotouch) (< xamarintvos) (< xamarinwatchos) (< xamarinios) (< xamarinmac)
      System.Reflection (>= 4.3) - restriction: && (< net45) (>= netstandard1.1) (< monotouch) (< xamarintvos) (< xamarinwatchos) (< xamarinios) (< xamarinmac)
      System.Reflection.Emit.ILGeneration (>= 4.3) - restriction: && (< net45) (>= netstandard1.1) (< monotouch) (< xamarintvos) (< xamarinwatchos) (< xamarinios) (< xamarinmac)
      System.Reflection.Primitives (>= 4.3) - restriction: && (< net45) (>= netstandard1.1) (< monotouch) (< xamarintvos) (< xamarinwatchos) (< xamarinios) (< xamarinmac)
      System.Runtime (>= 4.3) - restriction: && (< net45) (>= netstandard1.1) (< monotouch) (< xamarintvos) (< xamarinwatchos) (< xamarinios) (< xamarinmac)
    System.Reflection.Emit.ILGeneration (4.3) - restriction: || (&& (== uap10.0) (>= dnxcore50)) (&& (== uap10.0) (>= netstandard1.6)) (&& (== netstandard1.3) (>= dnxcore50)) (&& (== netstandard1.3) (>= netstandard1.6)) (&& (== netstandard1.4) (>= dnxcore50)) (&& (== netstandard1.4) (>= netstandard1.6)) (&& (== netstandard1.5) (>= dnxcore50)) (&& (== netstandard1.5) (>= netstandard1.6)) (== netstandard1.6)
      System.Reflection (>= 4.3) - restriction: && (< net45) (>= netstandard1.0) (< monotouch) (< xamarintvos) (< xamarinwatchos) (< xamarinios) (< xamarinmac) (< wp8)
      System.Reflection.Primitives (>= 4.3) - restriction: && (< net45) (>= netstandard1.0) (< monotouch) (< xamarintvos) (< xamarinwatchos) (< xamarinios) (< xamarinmac) (< wp8)
      System.Runtime (>= 4.3) - restriction: && (< net45) (>= netstandard1.0) (< monotouch) (< xamarintvos) (< xamarinwatchos) (< xamarinios) (< xamarinmac) (< wp8)
    System.Reflection.Emit.Lightweight (4.3) - restriction: || (&& (== uap10.0) (>= dnxcore50)) (&& (== uap10.0) (>= netstandard1.6)) (&& (== netstandard1.3) (>= dnxcore50)) (&& (== netstandard1.3) (>= netstandard1.6)) (&& (== netstandard1.4) (>= dnxcore50)) (&& (== netstandard1.4) (>= netstandard1.6)) (&& (== netstandard1.5) (>= dnxcore50)) (&& (== netstandard1.5) (>= netstandard1.6)) (== netstandard1.6)
      System.Reflection (>= 4.3) - restriction: && (< net45) (>= netstandard1.0) (< monotouch) (< xamarintvos) (< xamarinwatchos) (< xamarinios) (< xamarinmac) (< wp8)
      System.Reflection.Emit.ILGeneration (>= 4.3) - restriction: && (< net45) (>= netstandard1.0) (< monotouch) (< xamarintvos) (< xamarinwatchos) (< xamarinios) (< xamarinmac) (< wp8)
      System.Reflection.Primitives (>= 4.3) - restriction: && (< net45) (>= netstandard1.0) (< monotouch) (< xamarintvos) (< xamarinwatchos) (< xamarinios) (< xamarinmac) (< wp8)
      System.Runtime (>= 4.3) - restriction: && (< net45) (>= netstandard1.0) (< monotouch) (< xamarintvos) (< xamarinwatchos) (< xamarinios) (< xamarinmac) (< wp8)
    System.Reflection.Extensions (4.3) - restriction: || (== uap10.0) (== netstandard1.3) (== netstandard1.4) (== netstandard1.5) (== netstandard1.6)
      Microsoft.NETCore.Platforms (>= 1.1) - restriction: || (&& (< net45) (>= netstandard1.0) (< monotouch) (< xamarintvos) (< xamarinwatchos) (< xamarinios) (< xamarinmac) (< win8) (< wp8) (< wpa81)) (>= dnxcore50)
      Microsoft.NETCore.Targets (>= 1.1) - restriction: || (&& (< net45) (>= netstandard1.0) (< monotouch) (< xamarintvos) (< xamarinwatchos) (< xamarinios) (< xamarinmac) (< win8) (< wp8) (< wpa81)) (>= dnxcore50)
      System.Reflection (>= 4.3) - restriction: || (&& (< net45) (>= netstandard1.0) (< monotouch) (< xamarintvos) (< xamarinwatchos) (< xamarinios) (< xamarinmac) (< win8) (< wp8) (< wpa81)) (>= dnxcore50)
      System.Runtime (>= 4.3) - restriction: || (&& (< net45) (>= netstandard1.0) (< monotouch) (< xamarintvos) (< xamarinwatchos) (< xamarinios) (< xamarinmac) (< win8) (< wp8) (< wpa81)) (>= dnxcore50)
    System.Reflection.Primitives (4.3) - restriction: || (== uap10.0) (== netstandard1.3) (== netstandard1.4) (== netstandard1.5) (== netstandard1.6) (>= netcoreapp1.0)
      Microsoft.NETCore.Platforms (>= 1.1) - restriction: || (&& (< net45) (>= netstandard1.0) (< monotouch) (< xamarintvos) (< xamarinwatchos) (< xamarinios) (< xamarinmac) (< win8) (< wp8) (< wpa81)) (>= dnxcore50)
      Microsoft.NETCore.Targets (>= 1.1) - restriction: || (&& (< net45) (>= netstandard1.0) (< monotouch) (< xamarintvos) (< xamarinwatchos) (< xamarinios) (< xamarinmac) (< win8) (< wp8) (< wpa81)) (>= dnxcore50)
      System.Runtime (>= 4.3) - restriction: || (&& (< net45) (>= netstandard1.0) (< monotouch) (< xamarintvos) (< xamarinwatchos) (< xamarinios) (< xamarinmac) (< win8) (< wp8) (< wpa81)) (>= dnxcore50)
    System.Reflection.TypeExtensions (4.4) - restriction: || (&& (== uap10.0) (>= dnxcore50)) (&& (== uap10.0) (>= netstandard1.6)) (&& (== netstandard1.3) (>= dnxcore50)) (&& (== netstandard1.3) (>= netstandard1.6)) (&& (== netstandard1.4) (>= dnxcore50)) (&& (== netstandard1.4) (>= netstandard1.6)) (&& (== netstandard1.5) (>= dnxcore50)) (&& (== netstandard1.5) (>= netstandard1.6)) (== netstandard1.6) (>= netcoreapp1.0)
      System.Reflection (>= 4.3) - restriction: || (&& (< net46) (>= netstandard1.3) (< netstandard1.5) (< monoandroid)) (&& (< net46) (>= netstandard1.5) (< netstandard2.0) (< monotouch) (< xamarintvos) (< xamarinwatchos) (< xamarinios) (< xamarinmac)) (>= dnxcore50)
      System.Resources.ResourceManager (>= 4.3) - restriction: || (&& (< net46) (>= netstandard1.3) (< netstandard1.5) (< monoandroid)) (&& (< net46) (>= netstandard1.5) (< netstandard2.0) (< monotouch) (< xamarintvos) (< xamarinwatchos) (< xamarinios) (< xamarinmac)) (>= dnxcore50)
      System.Runtime (>= 4.3) - restriction: || (&& (< net46) (>= netstandard1.3) (< netstandard1.5) (< monoandroid)) (&& (< net46) (>= netstandard1.5) (< netstandard2.0) (< monotouch) (< xamarintvos) (< xamarinwatchos) (< xamarinios) (< xamarinmac)) (>= dnxcore50)
    System.Resources.ResourceManager (4.3) - restriction: || (== uap10.0) (== netstandard1.3) (== netstandard1.4) (== netstandard1.5) (== netstandard1.6) (>= netcoreapp1.0)
      Microsoft.NETCore.Platforms (>= 1.1) - restriction: || (&& (< net45) (>= netstandard1.0) (< monotouch) (< xamarintvos) (< xamarinwatchos) (< xamarinios) (< xamarinmac) (< win8) (< wp8) (< wpa81)) (>= dnxcore50)
      Microsoft.NETCore.Targets (>= 1.1) - restriction: || (&& (< net45) (>= netstandard1.0) (< monotouch) (< xamarintvos) (< xamarinwatchos) (< xamarinios) (< xamarinmac) (< win8) (< wp8) (< wpa81)) (>= dnxcore50)
      System.Globalization (>= 4.3) - restriction: || (&& (< net45) (>= netstandard1.0) (< monotouch) (< xamarintvos) (< xamarinwatchos) (< xamarinios) (< xamarinmac) (< win8) (< wp8) (< wpa81)) (>= dnxcore50)
      System.Reflection (>= 4.3) - restriction: || (&& (< net45) (>= netstandard1.0) (< monotouch) (< xamarintvos) (< xamarinwatchos) (< xamarinios) (< xamarinmac) (< win8) (< wp8) (< wpa81)) (>= dnxcore50)
      System.Runtime (>= 4.3) - restriction: || (&& (< net45) (>= netstandard1.0) (< monotouch) (< xamarintvos) (< xamarinwatchos) (< xamarinios) (< xamarinmac) (< win8) (< wp8) (< wpa81)) (>= dnxcore50)
    System.Runtime (4.3) - restriction: || (== uap10.0) (== netstandard1.3) (== netstandard1.4) (== netstandard1.5) (== netstandard1.6) (&& (< net10) (>= netstandard1.0)) (&& (>= netstandard1.6) (< monotouch) (< xamarintvos) (< xamarinwatchos) (< xamarinios) (< xamarinmac)) (>= netcoreapp1.0)
      Microsoft.NETCore.Platforms (>= 1.1) - restriction: || (&& (< net45) (>= netstandard1.0) (< netstandard1.2) (< monoandroid) (< win8) (< wp8)) (&& (< net45) (>= netstandard1.2) (< netstandard1.3) (< monoandroid) (< win8) (< wpa81)) (&& (< net45) (>= netstandard1.3) (< netstandard1.5) (< monoandroid) (< win8) (< wpa81)) (&& (< net45) (>= netstandard1.5) (< monotouch) (< xamarintvos) (< xamarinwatchos) (< xamarinios) (< xamarinmac)) (>= dnxcore50)
      Microsoft.NETCore.Targets (>= 1.1) - restriction: || (&& (< net45) (>= netstandard1.0) (< netstandard1.2) (< monoandroid) (< win8) (< wp8)) (&& (< net45) (>= netstandard1.2) (< netstandard1.3) (< monoandroid) (< win8) (< wpa81)) (&& (< net45) (>= netstandard1.3) (< netstandard1.5) (< monoandroid) (< win8) (< wpa81)) (&& (< net45) (>= netstandard1.5) (< monotouch) (< xamarintvos) (< xamarinwatchos) (< xamarinios) (< xamarinmac)) (>= dnxcore50)
    System.Runtime.Extensions (4.3) - restriction: || (== uap10.0) (== netstandard1.3) (== netstandard1.4) (== netstandard1.5) (== netstandard1.6) (>= netcoreapp1.0)
      Microsoft.NETCore.Platforms (>= 1.1) - restriction: || (&& (< net45) (>= netstandard1.0) (< netstandard1.3) (< monoandroid) (< win8) (< wp8) (< wpa81)) (&& (< net45) (>= netstandard1.3) (< netstandard1.5) (< monoandroid) (< win8) (< wpa81)) (&& (< net45) (>= netstandard1.5) (< monotouch) (< xamarintvos) (< xamarinwatchos) (< xamarinios) (< xamarinmac)) (>= dnxcore50)
      Microsoft.NETCore.Targets (>= 1.1) - restriction: || (&& (< net45) (>= netstandard1.0) (< netstandard1.3) (< monoandroid) (< win8) (< wp8) (< wpa81)) (&& (< net45) (>= netstandard1.3) (< netstandard1.5) (< monoandroid) (< win8) (< wpa81)) (&& (< net45) (>= netstandard1.5) (< monotouch) (< xamarintvos) (< xamarinwatchos) (< xamarinios) (< xamarinmac)) (>= dnxcore50)
      System.Runtime (>= 4.3) - restriction: || (&& (< net45) (>= netstandard1.0) (< netstandard1.3) (< monoandroid) (< win8) (< wp8) (< wpa81)) (&& (< net45) (>= netstandard1.3) (< netstandard1.5) (< monoandroid) (< win8) (< wpa81)) (&& (< net45) (>= netstandard1.5) (< monotouch) (< xamarintvos) (< xamarinwatchos) (< xamarinios) (< xamarinmac)) (>= dnxcore50)
    System.Runtime.Handles (4.3) - restriction: || (== uap10.0) (== netstandard1.3) (== netstandard1.4) (== netstandard1.5) (== netstandard1.6) (>= netcoreapp1.0)
      Microsoft.NETCore.Platforms (>= 1.1) - restriction: && (< net46) (>= netstandard1.3) (< monotouch) (< xamarintvos) (< xamarinwatchos) (< xamarinios) (< xamarinmac)
      Microsoft.NETCore.Targets (>= 1.1) - restriction: && (< net46) (>= netstandard1.3) (< monotouch) (< xamarintvos) (< xamarinwatchos) (< xamarinios) (< xamarinmac)
      System.Runtime (>= 4.3) - restriction: && (< net46) (>= netstandard1.3) (< monotouch) (< xamarintvos) (< xamarinwatchos) (< xamarinios) (< xamarinmac)
    System.Runtime.InteropServices (4.3) - restriction: || (== uap10.0) (== netstandard1.3) (== netstandard1.4) (== netstandard1.5) (== netstandard1.6) (>= netcoreapp1.0)
      Microsoft.NETCore.Platforms (>= 1.1) - restriction: || (&& (< net45) (>= netstandard1.1) (< netstandard1.2) (< monoandroid) (< win8)) (&& (< net45) (>= netstandard1.2) (< netstandard1.3) (< monoandroid) (< win8) (< wpa81)) (&& (< net45) (>= netstandard1.3) (< netstandard1.5) (< monoandroid) (< win8) (< wpa81)) (&& (< net45) (>= netstandard1.5) (< monotouch) (< xamarintvos) (< xamarinwatchos) (< xamarinios) (< xamarinmac)) (>= dnxcore50) (>= netcoreapp1.1)
      Microsoft.NETCore.Targets (>= 1.1) - restriction: || (&& (< net45) (>= netstandard1.1) (< netstandard1.2) (< monoandroid) (< win8)) (&& (< net45) (>= netstandard1.2) (< netstandard1.3) (< monoandroid) (< win8) (< wpa81)) (&& (< net45) (>= netstandard1.3) (< netstandard1.5) (< monoandroid) (< win8) (< wpa81)) (&& (< net45) (>= netstandard1.5) (< monotouch) (< xamarintvos) (< xamarinwatchos) (< xamarinios) (< xamarinmac)) (>= dnxcore50) (>= netcoreapp1.1)
      System.Reflection (>= 4.3) - restriction: || (&& (< net45) (>= netstandard1.1) (< netstandard1.2) (< monoandroid) (< win8)) (&& (< net45) (>= netstandard1.2) (< netstandard1.3) (< monoandroid) (< win8) (< wpa81)) (&& (< net45) (>= netstandard1.3) (< netstandard1.5) (< monoandroid) (< win8) (< wpa81)) (&& (< net45) (>= netstandard1.5) (< monotouch) (< xamarintvos) (< xamarinwatchos) (< xamarinios) (< xamarinmac)) (>= dnxcore50) (>= netcoreapp1.1)
      System.Reflection.Primitives (>= 4.3) - restriction: || (&& (< net45) (>= netstandard1.1) (< netstandard1.2) (< monoandroid) (< win8)) (&& (< net45) (>= netstandard1.2) (< netstandard1.3) (< monoandroid) (< win8) (< wpa81)) (&& (< net45) (>= netstandard1.3) (< netstandard1.5) (< monoandroid) (< win8) (< wpa81)) (&& (< net45) (>= netstandard1.5) (< monotouch) (< xamarintvos) (< xamarinwatchos) (< xamarinios) (< xamarinmac)) (>= dnxcore50) (>= netcoreapp1.1)
      System.Runtime (>= 4.3) - restriction: || (&& (< net45) (>= netstandard1.1) (< netstandard1.2) (< monoandroid) (< win8)) (&& (< net45) (>= netstandard1.2) (< netstandard1.3) (< monoandroid) (< win8) (< wpa81)) (&& (< net45) (>= netstandard1.3) (< netstandard1.5) (< monoandroid) (< win8) (< wpa81)) (&& (< net45) (>= netstandard1.5) (< monotouch) (< xamarintvos) (< xamarinwatchos) (< xamarinios) (< xamarinmac)) (>= net462) (>= dnxcore50) (>= netcoreapp1.1)
      System.Runtime.Handles (>= 4.3) - restriction: || (&& (< net45) (>= netstandard1.3) (< netstandard1.5) (< monoandroid) (< win8) (< wpa81)) (&& (< net45) (>= netstandard1.5) (< monotouch) (< xamarintvos) (< xamarinwatchos) (< xamarinios) (< xamarinmac)) (>= dnxcore50) (>= netcoreapp1.1)
    System.Runtime.InteropServices.RuntimeInformation (4.3) - restriction: || (&& (< net20) (>= netstandard1.3) (< monoandroid)) (>= uap10.0) (&& (< netstandard1.3) (>= monoandroid)) (>= netstandard1.6)
    System.Runtime.Loader (4.3) - restriction: && (>= netstandard1.6) (< xamarinios)
    System.Runtime.Numerics (4.3) - restriction: || (== uap10.0) (== netstandard1.3) (== netstandard1.4) (== netstandard1.5) (== netstandard1.6)
      System.Globalization (>= 4.3) - restriction: || (&& (< net45) (>= netstandard1.3) (< monotouch) (< xamarintvos) (< xamarinwatchos) (< xamarinios) (< xamarinmac) (< win8) (< wpa81)) (>= dnxcore50)
      System.Resources.ResourceManager (>= 4.3) - restriction: || (&& (< net45) (>= netstandard1.3) (< monotouch) (< xamarintvos) (< xamarinwatchos) (< xamarinios) (< xamarinmac) (< win8) (< wpa81)) (>= dnxcore50)
      System.Runtime (>= 4.3) - restriction: || (&& (< net45) (>= netstandard1.1) (< netstandard1.3) (< monoandroid) (< win8) (< wpa81)) (&& (< net45) (>= netstandard1.3) (< monotouch) (< xamarintvos) (< xamarinwatchos) (< xamarinios) (< xamarinmac) (< win8) (< wpa81)) (>= dnxcore50)
      System.Runtime.Extensions (>= 4.3) - restriction: || (&& (< net45) (>= netstandard1.3) (< monotouch) (< xamarintvos) (< xamarinwatchos) (< xamarinios) (< xamarinmac) (< win8) (< wpa81)) (>= dnxcore50)
    System.Security.AccessControl (4.4) - restriction: || (&& (>= net461) (>= netcoreapp1.0)) (&& (< netstandard1.3) (>= netcoreapp1.0) (>= monoandroid)) (&& (>= netstandard2.0) (>= netcoreapp1.0)) (&& (>= netcoreapp1.0) (>= monotouch)) (&& (>= netcoreapp1.0) (>= xamarintvos)) (&& (>= netcoreapp1.0) (>= xamarinwatchos)) (&& (>= netcoreapp1.0) (>= xamarinios)) (&& (>= netcoreapp1.0) (>= xamarinmac))
      Microsoft.NETCore.Platforms (>= 2.0) - restriction: >= netcoreapp2.0
      System.Security.Principal.Windows (>= 4.4) - restriction: || (>= netstandard1.3) (>= monoandroid)
    System.Security.Cryptography.Algorithms (4.3) - restriction: || (== uap10.0) (== netstandard1.3) (== netstandard1.4) (== netstandard1.5) (== netstandard1.6)
      Microsoft.NETCore.Platforms (>= 1.1) - restriction: || (>= dnxcore50) (&& (>= netstandard1.6) (< monotouch) (< xamarintvos) (< xamarinwatchos) (< xamarinios) (< xamarinmac))
      runtime.native.System.Security.Cryptography.Apple (>= 4.3) - restriction: && (>= netstandard1.6) (< monotouch) (< xamarintvos) (< xamarinwatchos) (< xamarinios) (< xamarinmac)
      runtime.native.System.Security.Cryptography.OpenSsl (>= 4.3) - restriction: && (>= netstandard1.6) (< monotouch) (< xamarintvos) (< xamarinwatchos) (< xamarinios) (< xamarinmac)
      System.Collections (>= 4.3) - restriction: && (>= netstandard1.6) (< monotouch) (< xamarintvos) (< xamarinwatchos) (< xamarinios) (< xamarinmac)
      System.IO (>= 4.3) - restriction: || (&& (< net46) (>= netstandard1.3) (< netstandard1.4) (< monoandroid)) (&& (< net46) (>= netstandard1.4) (< netstandard1.6) (< monoandroid)) (>= net463) (>= dnxcore50) (&& (>= netstandard1.6) (< monotouch) (< xamarintvos) (< xamarinwatchos) (< xamarinios) (< xamarinmac))
      System.Resources.ResourceManager (>= 4.3) - restriction: || (>= dnxcore50) (&& (>= netstandard1.6) (< monotouch) (< xamarintvos) (< xamarinwatchos) (< xamarinios) (< xamarinmac))
      System.Runtime (>= 4.3) - restriction: || (&& (< net46) (>= netstandard1.3) (< netstandard1.4) (< monoandroid)) (&& (< net46) (>= netstandard1.4) (< netstandard1.6) (< monoandroid)) (>= net463) (>= dnxcore50) (&& (>= netstandard1.6) (< monotouch) (< xamarintvos) (< xamarinwatchos) (< xamarinios) (< xamarinmac))
      System.Runtime.Extensions (>= 4.3) - restriction: || (>= dnxcore50) (&& (>= netstandard1.6) (< monotouch) (< xamarintvos) (< xamarinwatchos) (< xamarinios) (< xamarinmac))
      System.Runtime.Handles (>= 4.3) - restriction: || (>= dnxcore50) (&& (>= netstandard1.6) (< monotouch) (< xamarintvos) (< xamarinwatchos) (< xamarinios) (< xamarinmac))
      System.Runtime.InteropServices (>= 4.3) - restriction: || (>= dnxcore50) (&& (>= netstandard1.6) (< monotouch) (< xamarintvos) (< xamarinwatchos) (< xamarinios) (< xamarinmac))
      System.Runtime.Numerics (>= 4.3) - restriction: && (>= netstandard1.6) (< monotouch) (< xamarintvos) (< xamarinwatchos) (< xamarinios) (< xamarinmac)
      System.Security.Cryptography.Encoding (>= 4.3) - restriction: || (>= net463) (>= dnxcore50) (&& (>= netstandard1.6) (< monotouch) (< xamarintvos) (< xamarinwatchos) (< xamarinios) (< xamarinmac))
      System.Security.Cryptography.Primitives (>= 4.3) - restriction: || (&& (>= net46) (< netstandard1.4)) (&& (< net46) (>= netstandard1.3) (< netstandard1.4) (< monoandroid)) (&& (< net46) (>= netstandard1.4) (< netstandard1.6) (< monoandroid)) (>= net461) (>= dnxcore50) (&& (>= netstandard1.6) (< monotouch) (< xamarintvos) (< xamarinwatchos) (< xamarinios) (< xamarinmac))
      System.Text.Encoding (>= 4.3) - restriction: || (>= dnxcore50) (&& (>= netstandard1.6) (< monotouch) (< xamarintvos) (< xamarinwatchos) (< xamarinios) (< xamarinmac))
    System.Security.Cryptography.Cng (4.4) - restriction: || (&& (== uap10.0) (>= dnxcore50)) (&& (== uap10.0) (>= netstandard1.6)) (&& (== netstandard1.3) (>= dnxcore50)) (&& (== netstandard1.3) (>= netstandard1.6)) (&& (== netstandard1.4) (>= dnxcore50)) (&& (== netstandard1.4) (>= netstandard1.6)) (&& (== netstandard1.5) (>= dnxcore50)) (&& (== netstandard1.5) (>= netstandard1.6)) (== netstandard1.6)
      System.IO (>= 4.3) - restriction: || (&& (< net46) (>= netstandard1.3) (< netstandard1.4) (< monoandroid)) (&& (< net46) (>= netstandard1.4) (< netstandard1.6) (< monoandroid)) (&& (>= netstandard1.6) (< netstandard2.0) (< monotouch) (< xamarintvos) (< xamarinwatchos) (< xamarinios) (< xamarinmac))
      System.Resources.ResourceManager (>= 4.3) - restriction: || (&& (< net46) (>= netstandard1.3) (< netstandard1.4) (< monoandroid)) (&& (< net46) (>= netstandard1.4) (< netstandard1.6) (< monoandroid)) (&& (>= netstandard1.6) (< netstandard2.0) (< monotouch) (< xamarintvos) (< xamarinwatchos) (< xamarinios) (< xamarinmac))
      System.Runtime (>= 4.3) - restriction: || (&& (< net46) (>= netstandard1.3) (< netstandard1.4) (< monoandroid)) (&& (< net46) (>= netstandard1.4) (< netstandard1.6) (< monoandroid)) (&& (>= netstandard1.6) (< netstandard2.0) (< monotouch) (< xamarintvos) (< xamarinwatchos) (< xamarinios) (< xamarinmac))
      System.Runtime.Extensions (>= 4.3) - restriction: || (&& (< net46) (>= netstandard1.4) (< netstandard1.6) (< monoandroid)) (&& (>= netstandard1.6) (< netstandard2.0) (< monotouch) (< xamarintvos) (< xamarinwatchos) (< xamarinios) (< xamarinmac))
      System.Runtime.Handles (>= 4.3) - restriction: || (&& (< net46) (>= netstandard1.3) (< netstandard1.4) (< monoandroid)) (&& (< net46) (>= netstandard1.4) (< netstandard1.6) (< monoandroid)) (&& (>= netstandard1.6) (< netstandard2.0) (< monotouch) (< xamarintvos) (< xamarinwatchos) (< xamarinios) (< xamarinmac))
      System.Runtime.InteropServices (>= 4.3) - restriction: || (&& (< net46) (>= netstandard1.3) (< netstandard1.4) (< monoandroid)) (&& (< net46) (>= netstandard1.4) (< netstandard1.6) (< monoandroid)) (&& (>= netstandard1.6) (< netstandard2.0) (< monotouch) (< xamarintvos) (< xamarinwatchos) (< xamarinios) (< xamarinmac))
      System.Security.Cryptography.Algorithms (>= 4.3) - restriction: || (&& (>= net46) (< netstandard1.4)) (&& (< net46) (>= netstandard1.3) (< netstandard1.4) (< monoandroid)) (&& (< net46) (>= netstandard1.4) (< netstandard1.6) (< monoandroid)) (&& (>= netstandard1.6) (< netstandard2.0) (< monotouch) (< xamarintvos) (< xamarinwatchos) (< xamarinios) (< xamarinmac))
      System.Security.Cryptography.Encoding (>= 4.3) - restriction: || (&& (< net46) (>= netstandard1.4) (< netstandard1.6) (< monoandroid)) (&& (>= netstandard1.6) (< netstandard2.0) (< monotouch) (< xamarintvos) (< xamarinwatchos) (< xamarinios) (< xamarinmac))
      System.Security.Cryptography.Primitives (>= 4.3) - restriction: || (&& (>= net46) (< netstandard1.4)) (&& (< net46) (>= netstandard1.3) (< netstandard1.4) (< monoandroid)) (&& (< net46) (>= netstandard1.4) (< netstandard1.6) (< monoandroid)) (&& (>= netstandard1.6) (< netstandard2.0) (< monotouch) (< xamarintvos) (< xamarinwatchos) (< xamarinios) (< xamarinmac))
      System.Text.Encoding (>= 4.3) - restriction: || (&& (< net46) (>= netstandard1.4) (< netstandard1.6) (< monoandroid)) (&& (>= netstandard1.6) (< netstandard2.0) (< monotouch) (< xamarintvos) (< xamarinwatchos) (< xamarinios) (< xamarinmac))
    System.Security.Cryptography.Csp (4.3) - restriction: || (&& (== uap10.0) (>= netstandard1.6)) (&& (== netstandard1.3) (>= netstandard1.6)) (&& (== netstandard1.4) (>= netstandard1.6)) (&& (== netstandard1.5) (>= netstandard1.6)) (== netstandard1.6)
      Microsoft.NETCore.Platforms (>= 1.1) - restriction: && (< net46) (>= netstandard1.3) (< monotouch) (< xamarintvos) (< xamarinwatchos) (< xamarinios) (< xamarinmac)
      System.IO (>= 4.3) - restriction: && (< net46) (>= netstandard1.3) (< monotouch) (< xamarintvos) (< xamarinwatchos) (< xamarinios) (< xamarinmac)
      System.Reflection (>= 4.3) - restriction: && (< net46) (>= netstandard1.3) (< monotouch) (< xamarintvos) (< xamarinwatchos) (< xamarinios) (< xamarinmac)
      System.Resources.ResourceManager (>= 4.3) - restriction: && (< net46) (>= netstandard1.3) (< monotouch) (< xamarintvos) (< xamarinwatchos) (< xamarinios) (< xamarinmac)
      System.Runtime (>= 4.3) - restriction: && (< net46) (>= netstandard1.3) (< monotouch) (< xamarintvos) (< xamarinwatchos) (< xamarinios) (< xamarinmac)
      System.Runtime.Extensions (>= 4.3) - restriction: && (< net46) (>= netstandard1.3) (< monotouch) (< xamarintvos) (< xamarinwatchos) (< xamarinios) (< xamarinmac)
      System.Runtime.Handles (>= 4.3) - restriction: && (< net46) (>= netstandard1.3) (< monotouch) (< xamarintvos) (< xamarinwatchos) (< xamarinios) (< xamarinmac)
      System.Runtime.InteropServices (>= 4.3) - restriction: && (< net46) (>= netstandard1.3) (< monotouch) (< xamarintvos) (< xamarinwatchos) (< xamarinios) (< xamarinmac)
      System.Security.Cryptography.Algorithms (>= 4.3) - restriction: || (>= net46) (&& (>= netstandard1.3) (< monotouch) (< xamarintvos) (< xamarinwatchos) (< xamarinios) (< xamarinmac))
      System.Security.Cryptography.Encoding (>= 4.3) - restriction: && (< net46) (>= netstandard1.3) (< monotouch) (< xamarintvos) (< xamarinwatchos) (< xamarinios) (< xamarinmac)
      System.Security.Cryptography.Primitives (>= 4.3) - restriction: || (>= net46) (&& (>= netstandard1.3) (< monotouch) (< xamarintvos) (< xamarinwatchos) (< xamarinios) (< xamarinmac))
      System.Text.Encoding (>= 4.3) - restriction: && (< net46) (>= netstandard1.3) (< monotouch) (< xamarintvos) (< xamarinwatchos) (< xamarinios) (< xamarinmac)
      System.Threading (>= 4.3) - restriction: && (< net46) (>= netstandard1.3) (< monotouch) (< xamarintvos) (< xamarinwatchos) (< xamarinios) (< xamarinmac)
    System.Security.Cryptography.Encoding (4.3) - restriction: || (== uap10.0) (== netstandard1.3) (== netstandard1.4) (== netstandard1.5) (== netstandard1.6)
      Microsoft.NETCore.Platforms (>= 1.1) - restriction: && (< net46) (>= netstandard1.3) (< monotouch) (< xamarintvos) (< xamarinwatchos) (< xamarinios) (< xamarinmac)
      runtime.native.System.Security.Cryptography.OpenSsl (>= 4.3) - restriction: && (< net46) (>= netstandard1.3) (< monotouch) (< xamarintvos) (< xamarinwatchos) (< xamarinios) (< xamarinmac)
      System.Collections (>= 4.3) - restriction: && (< net46) (>= netstandard1.3) (< monotouch) (< xamarintvos) (< xamarinwatchos) (< xamarinios) (< xamarinmac)
      System.Collections.Concurrent (>= 4.3) - restriction: && (< net46) (>= netstandard1.3) (< monotouch) (< xamarintvos) (< xamarinwatchos) (< xamarinios) (< xamarinmac)
      System.Linq (>= 4.3) - restriction: && (< net46) (>= netstandard1.3) (< monotouch) (< xamarintvos) (< xamarinwatchos) (< xamarinios) (< xamarinmac)
      System.Resources.ResourceManager (>= 4.3) - restriction: && (< net46) (>= netstandard1.3) (< monotouch) (< xamarintvos) (< xamarinwatchos) (< xamarinios) (< xamarinmac)
      System.Runtime (>= 4.3) - restriction: && (< net46) (>= netstandard1.3) (< monotouch) (< xamarintvos) (< xamarinwatchos) (< xamarinios) (< xamarinmac)
      System.Runtime.Extensions (>= 4.3) - restriction: && (< net46) (>= netstandard1.3) (< monotouch) (< xamarintvos) (< xamarinwatchos) (< xamarinios) (< xamarinmac)
      System.Runtime.Handles (>= 4.3) - restriction: && (< net46) (>= netstandard1.3) (< monotouch) (< xamarintvos) (< xamarinwatchos) (< xamarinios) (< xamarinmac)
      System.Runtime.InteropServices (>= 4.3) - restriction: && (< net46) (>= netstandard1.3) (< monotouch) (< xamarintvos) (< xamarinwatchos) (< xamarinios) (< xamarinmac)
      System.Security.Cryptography.Primitives (>= 4.3) - restriction: && (< net46) (>= netstandard1.3) (< monotouch) (< xamarintvos) (< xamarinwatchos) (< xamarinios) (< xamarinmac)
      System.Text.Encoding (>= 4.3) - restriction: && (< net46) (>= netstandard1.3) (< monotouch) (< xamarintvos) (< xamarinwatchos) (< xamarinios) (< xamarinmac)
    System.Security.Cryptography.OpenSsl (4.4) - restriction: || (&& (== uap10.0) (>= netstandard1.6)) (&& (== netstandard1.3) (>= netstandard1.6)) (&& (== netstandard1.4) (>= netstandard1.6)) (&& (== netstandard1.5) (>= netstandard1.6)) (== netstandard1.6)
      System.Collections (>= 4.3) - restriction: && (>= netstandard1.6) (< netstandard2.0) (< monotouch) (< xamarintvos) (< xamarinwatchos) (< xamarinios) (< xamarinmac)
      System.IO (>= 4.3) - restriction: && (>= netstandard1.6) (< netstandard2.0) (< monotouch) (< xamarintvos) (< xamarinwatchos) (< xamarinios) (< xamarinmac)
      System.Resources.ResourceManager (>= 4.3) - restriction: && (>= netstandard1.6) (< netstandard2.0) (< monotouch) (< xamarintvos) (< xamarinwatchos) (< xamarinios) (< xamarinmac)
      System.Runtime (>= 4.3) - restriction: && (>= netstandard1.6) (< netstandard2.0) (< monotouch) (< xamarintvos) (< xamarinwatchos) (< xamarinios) (< xamarinmac)
      System.Runtime.Extensions (>= 4.3) - restriction: && (>= netstandard1.6) (< netstandard2.0) (< monotouch) (< xamarintvos) (< xamarinwatchos) (< xamarinios) (< xamarinmac)
      System.Runtime.Handles (>= 4.3) - restriction: && (>= netstandard1.6) (< netstandard2.0) (< monotouch) (< xamarintvos) (< xamarinwatchos) (< xamarinios) (< xamarinmac)
      System.Runtime.InteropServices (>= 4.3) - restriction: && (>= netstandard1.6) (< netstandard2.0) (< monotouch) (< xamarintvos) (< xamarinwatchos) (< xamarinios) (< xamarinmac)
      System.Runtime.Numerics (>= 4.3) - restriction: && (>= netstandard1.6) (< netstandard2.0) (< monotouch) (< xamarintvos) (< xamarinwatchos) (< xamarinios) (< xamarinmac)
      System.Security.Cryptography.Algorithms (>= 4.3) - restriction: && (>= netstandard1.6) (< netstandard2.0) (< monotouch) (< xamarintvos) (< xamarinwatchos) (< xamarinios) (< xamarinmac)
      System.Security.Cryptography.Encoding (>= 4.3) - restriction: && (>= netstandard1.6) (< netstandard2.0) (< monotouch) (< xamarintvos) (< xamarinwatchos) (< xamarinios) (< xamarinmac)
      System.Security.Cryptography.Primitives (>= 4.3) - restriction: && (>= netstandard1.6) (< netstandard2.0) (< monotouch) (< xamarintvos) (< xamarinwatchos) (< xamarinios) (< xamarinmac)
      System.Text.Encoding (>= 4.3) - restriction: && (>= netstandard1.6) (< netstandard2.0) (< monotouch) (< xamarintvos) (< xamarinwatchos) (< xamarinios) (< xamarinmac)
    System.Security.Cryptography.Primitives (4.3) - restriction: || (== uap10.0) (== netstandard1.3) (== netstandard1.4) (== netstandard1.5) (== netstandard1.6)
      System.Diagnostics.Debug (>= 4.3) - restriction: && (< net46) (>= netstandard1.3) (< monotouch) (< xamarintvos) (< xamarinwatchos) (< xamarinios) (< xamarinmac)
      System.Globalization (>= 4.3) - restriction: && (< net46) (>= netstandard1.3) (< monotouch) (< xamarintvos) (< xamarinwatchos) (< xamarinios) (< xamarinmac)
      System.IO (>= 4.3) - restriction: && (< net46) (>= netstandard1.3) (< monotouch) (< xamarintvos) (< xamarinwatchos) (< xamarinios) (< xamarinmac)
      System.Resources.ResourceManager (>= 4.3) - restriction: && (< net46) (>= netstandard1.3) (< monotouch) (< xamarintvos) (< xamarinwatchos) (< xamarinios) (< xamarinmac)
      System.Runtime (>= 4.3) - restriction: && (< net46) (>= netstandard1.3) (< monotouch) (< xamarintvos) (< xamarinwatchos) (< xamarinios) (< xamarinmac)
      System.Threading (>= 4.3) - restriction: && (< net46) (>= netstandard1.3) (< monotouch) (< xamarintvos) (< xamarinwatchos) (< xamarinios) (< xamarinmac)
      System.Threading.Tasks (>= 4.3) - restriction: && (< net46) (>= netstandard1.3) (< monotouch) (< xamarintvos) (< xamarinwatchos) (< xamarinios) (< xamarinmac)
    System.Security.Cryptography.X509Certificates (4.3.1) - restriction: || (== uap10.0) (== netstandard1.3) (== netstandard1.4) (== netstandard1.5) (== netstandard1.6)
      Microsoft.NETCore.Platforms (>= 1.1) - restriction: || (>= dnxcore50) (&& (>= netstandard1.6) (< monotouch) (< xamarintvos) (< xamarinwatchos) (< xamarinios) (< xamarinmac))
      runtime.native.System (>= 4.3) - restriction: && (>= netstandard1.6) (< monotouch) (< xamarintvos) (< xamarinwatchos) (< xamarinios) (< xamarinmac)
      runtime.native.System.Net.Http (>= 4.3) - restriction: && (>= netstandard1.6) (< monotouch) (< xamarintvos) (< xamarinwatchos) (< xamarinios) (< xamarinmac)
      runtime.native.System.Security.Cryptography.OpenSsl (>= 4.3.2) - restriction: && (>= netstandard1.6) (< monotouch) (< xamarintvos) (< xamarinwatchos) (< xamarinios) (< xamarinmac)
      System.Collections (>= 4.3) - restriction: || (>= dnxcore50) (&& (>= netstandard1.6) (< monotouch) (< xamarintvos) (< xamarinwatchos) (< xamarinios) (< xamarinmac))
      System.Diagnostics.Debug (>= 4.3) - restriction: && (>= netstandard1.6) (< monotouch) (< xamarintvos) (< xamarinwatchos) (< xamarinios) (< xamarinmac)
      System.Globalization (>= 4.3) - restriction: || (>= dnxcore50) (&& (>= netstandard1.6) (< monotouch) (< xamarintvos) (< xamarinwatchos) (< xamarinios) (< xamarinmac))
      System.Globalization.Calendars (>= 4.3) - restriction: || (>= dnxcore50) (&& (>= netstandard1.6) (< monotouch) (< xamarintvos) (< xamarinwatchos) (< xamarinios) (< xamarinmac))
      System.IO (>= 4.3) - restriction: || (>= dnxcore50) (&& (>= netstandard1.6) (< monotouch) (< xamarintvos) (< xamarinwatchos) (< xamarinios) (< xamarinmac))
      System.IO.FileSystem (>= 4.3) - restriction: || (>= dnxcore50) (&& (>= netstandard1.6) (< monotouch) (< xamarintvos) (< xamarinwatchos) (< xamarinios) (< xamarinmac))
      System.IO.FileSystem.Primitives (>= 4.3) - restriction: && (>= netstandard1.6) (< monotouch) (< xamarintvos) (< xamarinwatchos) (< xamarinios) (< xamarinmac)
      System.Resources.ResourceManager (>= 4.3) - restriction: || (>= dnxcore50) (&& (>= netstandard1.6) (< monotouch) (< xamarintvos) (< xamarinwatchos) (< xamarinios) (< xamarinmac))
      System.Runtime (>= 4.3) - restriction: || (&& (< net46) (>= netstandard1.3) (< netstandard1.4) (< monoandroid)) (&& (< net46) (>= netstandard1.4) (< netstandard1.6) (< monoandroid)) (>= dnxcore50) (&& (>= netstandard1.6) (< monotouch) (< xamarintvos) (< xamarinwatchos) (< xamarinios) (< xamarinmac))
      System.Runtime.Extensions (>= 4.3) - restriction: || (>= dnxcore50) (&& (>= netstandard1.6) (< monotouch) (< xamarintvos) (< xamarinwatchos) (< xamarinios) (< xamarinmac))
      System.Runtime.Handles (>= 4.3) - restriction: || (&& (< net46) (>= netstandard1.3) (< netstandard1.4) (< monoandroid)) (&& (< net46) (>= netstandard1.4) (< netstandard1.6) (< monoandroid)) (>= dnxcore50) (&& (>= netstandard1.6) (< monotouch) (< xamarintvos) (< xamarinwatchos) (< xamarinios) (< xamarinmac))
      System.Runtime.InteropServices (>= 4.3) - restriction: || (>= dnxcore50) (&& (>= netstandard1.6) (< monotouch) (< xamarintvos) (< xamarinwatchos) (< xamarinios) (< xamarinmac))
      System.Runtime.Numerics (>= 4.3) - restriction: || (>= dnxcore50) (&& (>= netstandard1.6) (< monotouch) (< xamarintvos) (< xamarinwatchos) (< xamarinios) (< xamarinmac))
      System.Security.Cryptography.Algorithms (>= 4.3) - restriction: || (&& (>= net46) (< netstandard1.4)) (&& (< net46) (>= netstandard1.3) (< netstandard1.4) (< monoandroid)) (&& (< net46) (>= netstandard1.4) (< netstandard1.6) (< monoandroid)) (>= net461) (>= dnxcore50) (&& (>= netstandard1.6) (< monotouch) (< xamarintvos) (< xamarinwatchos) (< xamarinios) (< xamarinmac))
      System.Security.Cryptography.Cng (>= 4.3) - restriction: || (>= dnxcore50) (&& (>= netstandard1.6) (< monotouch) (< xamarintvos) (< xamarinwatchos) (< xamarinios) (< xamarinmac))
      System.Security.Cryptography.Csp (>= 4.3) - restriction: && (>= netstandard1.6) (< monotouch) (< xamarintvos) (< xamarinwatchos) (< xamarinios) (< xamarinmac)
      System.Security.Cryptography.Encoding (>= 4.3) - restriction: || (&& (>= net46) (< netstandard1.4)) (&& (< net46) (>= netstandard1.3) (< netstandard1.4) (< monoandroid)) (&& (< net46) (>= netstandard1.4) (< netstandard1.6) (< monoandroid)) (>= net461) (>= dnxcore50) (&& (>= netstandard1.6) (< monotouch) (< xamarintvos) (< xamarinwatchos) (< xamarinios) (< xamarinmac))
      System.Security.Cryptography.OpenSsl (>= 4.3) - restriction: && (>= netstandard1.6) (< monotouch) (< xamarintvos) (< xamarinwatchos) (< xamarinios) (< xamarinmac)
      System.Security.Cryptography.Primitives (>= 4.3) - restriction: || (>= dnxcore50) (&& (>= netstandard1.6) (< monotouch) (< xamarintvos) (< xamarinwatchos) (< xamarinios) (< xamarinmac))
      System.Text.Encoding (>= 4.3) - restriction: || (>= dnxcore50) (&& (>= netstandard1.6) (< monotouch) (< xamarintvos) (< xamarinwatchos) (< xamarinios) (< xamarinmac))
      System.Threading (>= 4.3) - restriction: || (>= dnxcore50) (&& (>= netstandard1.6) (< monotouch) (< xamarintvos) (< xamarinwatchos) (< xamarinios) (< xamarinmac))
    System.Security.Principal.Windows (4.4) - restriction: || (&& (>= net461) (>= netcoreapp1.0)) (&& (< netstandard1.3) (>= netcoreapp1.0) (>= monoandroid)) (&& (>= netstandard2.0) (>= netcoreapp1.0)) (&& (>= netcoreapp1.0) (>= monotouch)) (&& (>= netcoreapp1.0) (>= xamarintvos)) (&& (>= netcoreapp1.0) (>= xamarinwatchos)) (&& (>= netcoreapp1.0) (>= xamarinios)) (&& (>= netcoreapp1.0) (>= xamarinmac))
      Microsoft.NETCore.Platforms (>= 2.0) - restriction: >= netcoreapp2.0
    System.Text.Encoding (4.3) - restriction: || (== uap10.0) (== netstandard1.3) (== netstandard1.4) (== netstandard1.5) (== netstandard1.6) (>= netcoreapp1.0)
      Microsoft.NETCore.Platforms (>= 1.1) - restriction: || (&& (< net45) (>= netstandard1.0) (< netstandard1.3) (< monoandroid) (< win8) (< wp8) (< wpa81)) (&& (< net45) (>= netstandard1.3) (< monotouch) (< xamarintvos) (< xamarinwatchos) (< xamarinios) (< xamarinmac) (< win8) (< wpa81)) (>= dnxcore50)
      Microsoft.NETCore.Targets (>= 1.1) - restriction: || (&& (< net45) (>= netstandard1.0) (< netstandard1.3) (< monoandroid) (< win8) (< wp8) (< wpa81)) (&& (< net45) (>= netstandard1.3) (< monotouch) (< xamarintvos) (< xamarinwatchos) (< xamarinios) (< xamarinmac) (< win8) (< wpa81)) (>= dnxcore50)
      System.Runtime (>= 4.3) - restriction: || (&& (< net45) (>= netstandard1.0) (< netstandard1.3) (< monoandroid) (< win8) (< wp8) (< wpa81)) (&& (< net45) (>= netstandard1.3) (< monotouch) (< xamarintvos) (< xamarinwatchos) (< xamarinios) (< xamarinmac) (< win8) (< wpa81)) (>= dnxcore50)
    System.Text.Encoding.Extensions (4.3) - restriction: || (== uap10.0) (== netstandard1.3) (== netstandard1.4) (== netstandard1.5) (== netstandard1.6) (>= netcoreapp1.0)
      Microsoft.NETCore.Platforms (>= 1.1) - restriction: == netstandard1.3
      Microsoft.NETCore.Targets (>= 1.1) - restriction: == netstandard1.3
      System.Runtime (>= 4.3) - restriction: == netstandard1.3
      System.Text.Encoding (>= 4.3) - restriction: == netstandard1.3
    System.Text.RegularExpressions (4.3) - restriction: || (== uap10.0) (== netstandard1.3) (== netstandard1.4) (== netstandard1.5) (== netstandard1.6)
      System.Collections (>= 4.3) - restriction: || (>= dnxcore50) (&& (>= netstandard1.6) (< netcoreapp1.1) (< monotouch) (< xamarintvos) (< xamarinwatchos) (< xamarinios) (< xamarinmac))
      System.Globalization (>= 4.3) - restriction: || (>= dnxcore50) (&& (>= netstandard1.6) (< netcoreapp1.1) (< monotouch) (< xamarintvos) (< xamarinwatchos) (< xamarinios) (< xamarinmac))
      System.Resources.ResourceManager (>= 4.3) - restriction: || (>= dnxcore50) (&& (>= netstandard1.6) (< netcoreapp1.1) (< monotouch) (< xamarintvos) (< xamarinwatchos) (< xamarinios) (< xamarinmac))
      System.Runtime (>= 4.3) - restriction: || (&& (< net45) (>= netstandard1.0) (< netstandard1.3) (< monoandroid) (< win8) (< wp8) (< wpa81)) (&& (< net45) (>= netstandard1.3) (< netstandard1.6) (< monoandroid) (< win8) (< wpa81)) (>= dnxcore50) (&& (>= netstandard1.6) (< monotouch) (< xamarintvos) (< xamarinwatchos) (< xamarinios) (< xamarinmac)) (>= netcoreapp1.1)
      System.Runtime.Extensions (>= 4.3) - restriction: || (>= dnxcore50) (&& (>= netstandard1.6) (< netcoreapp1.1) (< monotouch) (< xamarintvos) (< xamarinwatchos) (< xamarinios) (< xamarinmac))
      System.Threading (>= 4.3) - restriction: || (>= dnxcore50) (&& (>= netstandard1.6) (< netcoreapp1.1) (< monotouch) (< xamarintvos) (< xamarinwatchos) (< xamarinios) (< xamarinmac))
    System.Threading (4.3) - restriction: || (== uap10.0) (== netstandard1.3) (== netstandard1.4) (== netstandard1.5) (== netstandard1.6) (>= netcoreapp1.0)
      System.Runtime (>= 4.3) - restriction: || (&& (< net45) (>= netstandard1.0) (< netstandard1.3) (< monoandroid) (< win8) (< wp8) (< wpa81)) (&& (< net45) (>= netstandard1.3) (< monotouch) (< xamarintvos) (< xamarinwatchos) (< xamarinios) (< xamarinmac) (< win8) (< wpa81)) (>= dnxcore50)
      System.Threading.Tasks (>= 4.3) - restriction: || (&& (< net45) (>= netstandard1.0) (< netstandard1.3) (< monoandroid) (< win8) (< wp8) (< wpa81)) (&& (< net45) (>= netstandard1.3) (< monotouch) (< xamarintvos) (< xamarinwatchos) (< xamarinios) (< xamarinmac) (< win8) (< wpa81)) (>= dnxcore50)
    System.Threading.Tasks (4.3) - restriction: || (== uap10.0) (== netstandard1.3) (== netstandard1.4) (== netstandard1.5) (== netstandard1.6) (>= netcoreapp1.0)
      Microsoft.NETCore.Platforms (>= 1.1) - restriction: || (&& (< net45) (>= netstandard1.0) (< netstandard1.3) (< monoandroid) (< win8) (< wp8) (< wpa81)) (&& (< net45) (>= netstandard1.3) (< monotouch) (< xamarintvos) (< xamarinwatchos) (< xamarinios) (< xamarinmac) (< win8) (< wpa81)) (>= dnxcore50)
      Microsoft.NETCore.Targets (>= 1.1) - restriction: || (&& (< net45) (>= netstandard1.0) (< netstandard1.3) (< monoandroid) (< win8) (< wp8) (< wpa81)) (&& (< net45) (>= netstandard1.3) (< monotouch) (< xamarintvos) (< xamarinwatchos) (< xamarinios) (< xamarinmac) (< win8) (< wpa81)) (>= dnxcore50)
      System.Runtime (>= 4.3) - restriction: || (&& (< net45) (>= netstandard1.0) (< netstandard1.3) (< monoandroid) (< win8) (< wp8) (< wpa81)) (&& (< net45) (>= netstandard1.3) (< monotouch) (< xamarintvos) (< xamarinwatchos) (< xamarinios) (< xamarinmac) (< win8) (< wpa81)) (>= dnxcore50)
    System.Threading.Tasks.Extensions (4.4) - restriction: || (&& (== uap10.0) (== netstandard1.3)) (== netstandard1.3) (&& (== netstandard1.3) (== netstandard1.4)) (&& (== netstandard1.3) (== netstandard1.5)) (&& (== netstandard1.3) (== netstandard1.6))
    System.Threading.Thread (4.3) - restriction: || (&& (>= netstandard1.6) (< xamarinios)) (>= netcoreapp1.0)
      System.Runtime (>= 4.3) - restriction: && (< net46) (>= netstandard1.3) (< monotouch) (< xamarintvos) (< xamarinwatchos) (< xamarinios) (< xamarinmac)
    System.Threading.ThreadPool (4.3) - restriction: >= netcoreapp1.0
      System.Runtime (>= 4.3) - restriction: && (< net46) (>= netstandard1.3) (< monotouch) (< xamarintvos) (< xamarinwatchos) (< xamarinios) (< xamarinmac)
      System.Runtime.Handles (>= 4.3) - restriction: && (< net46) (>= netstandard1.3) (< monotouch) (< xamarintvos) (< xamarinwatchos) (< xamarinios) (< xamarinmac)
    System.Threading.Timer (4.3) - restriction: || (== uap10.0) (== netstandard1.3) (== netstandard1.4) (== netstandard1.5) (== netstandard1.6)
      Microsoft.NETCore.Platforms (>= 1.1) - restriction: || (&& (< net451) (>= netstandard1.2) (< monotouch) (< xamarintvos) (< xamarinwatchos) (< xamarinios) (< xamarinmac) (< win81) (< wpa81)) (>= dnxcore50)
      Microsoft.NETCore.Targets (>= 1.1) - restriction: || (&& (< net451) (>= netstandard1.2) (< monotouch) (< xamarintvos) (< xamarinwatchos) (< xamarinios) (< xamarinmac) (< win81) (< wpa81)) (>= dnxcore50)
      System.Runtime (>= 4.3) - restriction: || (&& (< net451) (>= netstandard1.2) (< monotouch) (< xamarintvos) (< xamarinwatchos) (< xamarinios) (< xamarinmac) (< win81) (< wpa81)) (>= dnxcore50)
    System.Xml.ReaderWriter (4.3) - restriction: || (== uap10.0) (== netstandard1.3) (== netstandard1.4) (== netstandard1.5) (== netstandard1.6) (>= netcoreapp1.0)
      System.Collections (>= 4.3) - restriction: == netstandard1.3
      System.Diagnostics.Debug (>= 4.3) - restriction: == netstandard1.3
      System.Globalization (>= 4.3) - restriction: == netstandard1.3
      System.IO (>= 4.3) - restriction: == netstandard1.3
      System.IO.FileSystem (>= 4.3) - restriction: == netstandard1.3
      System.IO.FileSystem.Primitives (>= 4.3) - restriction: == netstandard1.3
      System.Resources.ResourceManager (>= 4.3) - restriction: == netstandard1.3
      System.Runtime (>= 4.3) - restriction: == netstandard1.3
      System.Runtime.Extensions (>= 4.3) - restriction: == netstandard1.3
      System.Runtime.InteropServices (>= 4.3) - restriction: == netstandard1.3
      System.Text.Encoding (>= 4.3) - restriction: == netstandard1.3
      System.Text.Encoding.Extensions (>= 4.3) - restriction: == netstandard1.3
      System.Text.RegularExpressions (>= 4.3) - restriction: == netstandard1.3
      System.Threading.Tasks (>= 4.3) - restriction: == netstandard1.3
      System.Threading.Tasks.Extensions (>= 4.3) - restriction: == netstandard1.3
    System.Xml.XDocument (4.3) - restriction: || (== uap10.0) (== netstandard1.3) (== netstandard1.4) (== netstandard1.5) (== netstandard1.6)
      System.Collections (>= 4.3) - restriction: == netstandard1.3
      System.Diagnostics.Debug (>= 4.3) - restriction: == netstandard1.3
      System.Diagnostics.Tools (>= 4.3) - restriction: == netstandard1.3
      System.Globalization (>= 4.3) - restriction: == netstandard1.3
      System.IO (>= 4.3) - restriction: == netstandard1.3
      System.Reflection (>= 4.3) - restriction: == netstandard1.3
      System.Resources.ResourceManager (>= 4.3) - restriction: == netstandard1.3
      System.Runtime (>= 4.3) - restriction: == netstandard1.3
      System.Runtime.Extensions (>= 4.3) - restriction: == netstandard1.3
      System.Text.Encoding (>= 4.3) - restriction: == netstandard1.3
      System.Threading (>= 4.3) - restriction: == netstandard1.3
      System.Xml.ReaderWriter (>= 4.3) - restriction: == netstandard1.3
    System.Xml.XmlDocument (4.3) - restriction: >= netcoreapp1.0
    System.Xml.XPath (4.3) - restriction: >= netcoreapp1.0
      System.Collections (>= 4.3) - restriction: && (< net46) (>= netstandard1.3) (< monotouch) (< xamarintvos) (< xamarinwatchos) (< xamarinios) (< xamarinmac)
      System.Diagnostics.Debug (>= 4.3) - restriction: && (< net46) (>= netstandard1.3) (< monotouch) (< xamarintvos) (< xamarinwatchos) (< xamarinios) (< xamarinmac)
      System.Globalization (>= 4.3) - restriction: && (< net46) (>= netstandard1.3) (< monotouch) (< xamarintvos) (< xamarinwatchos) (< xamarinios) (< xamarinmac)
      System.IO (>= 4.3) - restriction: && (< net46) (>= netstandard1.3) (< monotouch) (< xamarintvos) (< xamarinwatchos) (< xamarinios) (< xamarinmac)
      System.Resources.ResourceManager (>= 4.3) - restriction: && (< net46) (>= netstandard1.3) (< monotouch) (< xamarintvos) (< xamarinwatchos) (< xamarinios) (< xamarinmac)
      System.Runtime (>= 4.3) - restriction: && (< net46) (>= netstandard1.3) (< monotouch) (< xamarintvos) (< xamarinwatchos) (< xamarinios) (< xamarinmac)
      System.Runtime.Extensions (>= 4.3) - restriction: && (< net46) (>= netstandard1.3) (< monotouch) (< xamarintvos) (< xamarinwatchos) (< xamarinios) (< xamarinmac)
      System.Threading (>= 4.3) - restriction: && (< net46) (>= netstandard1.3) (< monotouch) (< xamarintvos) (< xamarinwatchos) (< xamarinios) (< xamarinmac)
      System.Xml.ReaderWriter (>= 4.3) - restriction: && (< net46) (>= netstandard1.3) (< monotouch) (< xamarintvos) (< xamarinwatchos) (< xamarinios) (< xamarinmac)
    System.Xml.XPath.XmlDocument (4.3) - restriction: >= netcoreapp1.0
      System.Collections (>= 4.3) - restriction: && (< net46) (>= netstandard1.3) (< monotouch) (< xamarintvos) (< xamarinwatchos) (< xamarinios) (< xamarinmac)
      System.Globalization (>= 4.3) - restriction: && (< net46) (>= netstandard1.3) (< monotouch) (< xamarintvos) (< xamarinwatchos) (< xamarinios) (< xamarinmac)
      System.IO (>= 4.3) - restriction: && (< net46) (>= netstandard1.3) (< monotouch) (< xamarintvos) (< xamarinwatchos) (< xamarinios) (< xamarinmac)
      System.Resources.ResourceManager (>= 4.3) - restriction: && (< net46) (>= netstandard1.3) (< monotouch) (< xamarintvos) (< xamarinwatchos) (< xamarinios) (< xamarinmac)
      System.Runtime (>= 4.3) - restriction: && (< net46) (>= netstandard1.3) (< monotouch) (< xamarintvos) (< xamarinwatchos) (< xamarinios) (< xamarinmac)
      System.Runtime.Extensions (>= 4.3) - restriction: && (< net46) (>= netstandard1.3) (< monotouch) (< xamarintvos) (< xamarinwatchos) (< xamarinios) (< xamarinmac)
      System.Threading (>= 4.3) - restriction: && (< net46) (>= netstandard1.3) (< monotouch) (< xamarintvos) (< xamarinwatchos) (< xamarinios) (< xamarinmac)
      System.Xml.ReaderWriter (>= 4.3) - restriction: && (< net46) (>= netstandard1.3) (< monotouch) (< xamarintvos) (< xamarinwatchos) (< xamarinios) (< xamarinmac)
      System.Xml.XmlDocument (>= 4.3) - restriction: || (>= net46) (&& (>= netstandard1.3) (< monotouch) (< xamarintvos) (< xamarinwatchos) (< xamarinios) (< xamarinmac))
      System.Xml.XPath (>= 4.3) - restriction: || (>= net46) (&& (>= netstandard1.3) (< monotouch) (< xamarintvos) (< xamarinwatchos) (< xamarinios) (< xamarinmac))
